GIT
  remote: https://github.com/alphagov/govuk_chat_private.git
  revision: 719b81edece559e36a786df4dabbbf46f9d0acf2
  specs:
    govuk_chat_private (0.0.1)
      activesupport (>= 8)
      listen (~> 3.9)
      railties (>= 8)

GEM
  remote: https://rubygems.org/
  specs:
    actioncable (8.0.2)
      actionpack (= 8.0.2)
      activesupport (= 8.0.2)
      nio4r (~> 2.0)
      websocket-driver (>= 0.6.1)
      zeitwerk (~> 2.6)
    actionmailbox (8.0.2)
      actionpack (= 8.0.2)
      activejob (= 8.0.2)
      activerecord (= 8.0.2)
      activestorage (= 8.0.2)
      activesupport (= 8.0.2)
      mail (>= 2.8.0)
    actionmailer (8.0.2)
      actionpack (= 8.0.2)
      actionview (= 8.0.2)
      activejob (= 8.0.2)
      activesupport (= 8.0.2)
      mail (>= 2.8.0)
      rails-dom-testing (~> 2.2)
    actionpack (8.0.2)
      actionview (= 8.0.2)
      activesupport (= 8.0.2)
      nokogiri (>= 1.8.5)
      rack (>= 2.2.4)
      rack-session (>= 1.0.1)
      rack-test (>= 0.6.3)
      rails-dom-testing (~> 2.2)
      rails-html-sanitizer (~> 1.6)
      useragent (~> 0.16)
    actiontext (8.0.2)
      actionpack (= 8.0.2)
      activerecord (= 8.0.2)
      activestorage (= 8.0.2)
      activesupport (= 8.0.2)
      globalid (>= 0.6.0)
      nokogiri (>= 1.8.5)
    actionview (8.0.2)
      activesupport (= 8.0.2)
      builder (~> 3.1)
      erubi (~> 1.11)
      rails-dom-testing (~> 2.2)
      rails-html-sanitizer (~> 1.6)
    activejob (8.0.2)
      activesupport (= 8.0.2)
      globalid (>= 0.3.6)
    activemodel (8.0.2)
      activesupport (= 8.0.2)
    activerecord (8.0.2)
      activemodel (= 8.0.2)
      activesupport (= 8.0.2)
      timeout (>= 0.4.0)
    activestorage (8.0.2)
      actionpack (= 8.0.2)
      activejob (= 8.0.2)
      activerecord (= 8.0.2)
      activesupport (= 8.0.2)
      marcel (~> 1.0)
    activesupport (8.0.2)
      base64
      benchmark (>= 0.3)
      bigdecimal
      concurrent-ruby (~> 1.0, >= 1.3.1)
      connection_pool (>= 2.2.5)
      drb
      i18n (>= 1.6, < 2)
      logger (>= 1.4.2)
      minitest (>= 5.1)
      securerandom (>= 0.3)
      tzinfo (~> 2.0, >= 2.0.5)
      uri (>= 0.13.1)
    addressable (2.8.7)
      public_suffix (>= 2.0.2, < 7.0)
    amq-protocol (2.3.3)
    anthropic (1.1.1)
      connection_pool
    ast (2.4.3)
    aws-eventstream (1.4.0)
    aws-partitions (1.1132.0)
    aws-sdk-bedrockruntime (1.52.0)
      aws-sdk-core (~> 3, >= 3.227.0)
      aws-sigv4 (~> 1.5)
    aws-sdk-core (3.227.0)
      aws-eventstream (~> 1, >= 1.3.0)
      aws-partitions (~> 1, >= 1.992.0)
      aws-sigv4 (~> 1.9)
      base64
      jmespath (~> 1, >= 1.6.1)
      logger
    aws-sigv4 (1.12.1)
      aws-eventstream (~> 1, >= 1.0.2)
    base64 (0.3.0)
    benchmark (0.4.1)
    better_html (2.1.1)
      actionview (>= 6.0)
      activesupport (>= 6.0)
      ast (~> 2.0)
      erubi (~> 1.4)
      parser (>= 2.4)
      smart_properties
    bigdecimal (3.2.2)
    blueprinter (1.1.2)
    bootsnap (1.18.6)
      msgpack (~> 1.2)
    brakeman (7.1.0)
      racc
    builder (3.3.0)
    bunny (2.24.0)
      amq-protocol (~> 2.3)
      sorted_set (~> 1, >= 1.0.2)
    byebug (12.0.0)
    capybara (3.40.0)
      addressable
      matrix
      mini_mime (>= 0.1.3)
      nokogiri (~> 1.11)
      rack (>= 1.6.0)
      rack-test (>= 0.6.3)
      regexp_parser (>= 1.5, < 3.0)
      xpath (~> 3.2)
    chartkick (5.2.0)
    climate_control (1.2.0)
    coderay (1.1.3)
    committee (5.5.4)
      json_schema (~> 0.14, >= 0.14.3)
      openapi_parser (~> 2.0)
      rack (>= 1.5, < 3.2)
    commonmarker (2.3.0)
      rb_sys (~> 0.9)
    commonmarker (2.3.0-aarch64-linux)
    commonmarker (2.3.0-arm64-darwin)
    commonmarker (2.3.0-x86_64-darwin)
    commonmarker (2.3.0-x86_64-linux)
    concurrent-ruby (1.3.5)
    connection_pool (2.5.3)
    crack (1.0.0)
      bigdecimal
      rexml
    crass (1.0.6)
    csv (3.3.5)
    dalli (3.2.8)
    dartsass-rails (0.5.1)
      railties (>= 6.0.0)
      sass-embedded (~> 1.63)
    date (3.4.1)
    declarative (0.0.20)
    diff-lcs (1.6.2)
    docile (1.4.1)
    domain_name (0.6.20240107)
    dotenv (3.1.8)
    drb (2.2.3)
    erb (5.0.2)
    erb_lint (0.9.0)
      activesupport
      better_html (>= 2.0.1)
      parser (>= 2.7.1.4)
      rainbow
      rubocop (>= 1)
      smart_properties
    erubi (1.13.1)
    ethon (0.16.0)
      ffi (>= 1.15.0)
    event_stream_parser (1.0.0)
    execjs (2.10.0)
    factory_bot (6.5.4)
      activesupport (>= 6.1.0)
    factory_bot_rails (6.5.0)
      factory_bot (~> 6.5)
      railties (>= 6.1.0)
    faker (3.5.1)
      i18n (>= 1.8.11, < 2)
    faraday (2.13.2)
      faraday-net_http (>= 2.0, < 3.5)
      json
      logger
    faraday-multipart (1.1.0)
      multipart-post (~> 2.0)
    faraday-net_http (3.4.1)
      net-http (>= 0.5.0)
    faraday-typhoeus (1.1.0)
      faraday (~> 2.0)
      typhoeus (~> 1.4)
    ffi (1.17.0)
    gds-api-adapters (99.2.0)
      addressable
      link_header
      null_logger
      plek (>= 1.9.0)
      rack (>= 2.2.0)
      rest-client (~> 2.0)
    gds-sso (20.0.0)
      oauth2 (~> 2.0)
      omniauth (~> 2.1)
      omniauth-oauth2 (~> 1.8)
      plek (>= 5)
      rails (>= 7)
      warden (~> 1.2)
      warden-oauth2 (~> 0.0.1)
    globalid (1.2.1)
      activesupport (>= 6.1)
    google-apis-bigquery_v2 (0.87.0)
      google-apis-core (>= 0.15.0, < 2.a)
    google-apis-core (0.16.0)
      addressable (~> 2.5, >= 2.5.1)
      googleauth (~> 1.9)
      httpclient (>= 2.8.3, < 3.a)
      mini_mime (~> 1.0)
      mutex_m
      representable (~> 3.0)
      retriable (>= 2.0, < 4.a)
    google-cloud-bigquery (1.52.1)
      bigdecimal (~> 3.0)
      concurrent-ruby (~> 1.0)
      google-apis-bigquery_v2 (~> 0.71)
      google-apis-core (~> 0.13)
      google-cloud-core (~> 1.6)
      googleauth (~> 1.9)
      mini_mime (~> 1.0)
    google-cloud-core (1.8.0)
      google-cloud-env (>= 1.0, < 3.a)
      google-cloud-errors (~> 1.0)
    google-cloud-env (2.2.2)
      base64 (~> 0.2)
      faraday (>= 1.0, < 3.a)
    google-cloud-errors (1.5.0)
    google-logging-utils (0.1.0)
    google-protobuf (4.31.1)
      bigdecimal
      rake (>= 13)
    google-protobuf (4.31.1-aarch64-linux-gnu)
      bigdecimal
      rake (>= 13)
    google-protobuf (4.31.1-arm64-darwin)
      bigdecimal
      rake (>= 13)
    google-protobuf (4.31.1-x86-linux-gnu)
      bigdecimal
      rake (>= 13)
    google-protobuf (4.31.1-x86_64-darwin)
      bigdecimal
      rake (>= 13)
    google-protobuf (4.31.1-x86_64-linux-gnu)
      bigdecimal
      rake (>= 13)
    googleapis-common-protos-types (1.20.0)
      google-protobuf (>= 3.18, < 5.a)
    googleauth (1.14.0)
      faraday (>= 1.0, < 3.a)
      google-cloud-env (~> 2.2)
      google-logging-utils (~> 0.1)
      jwt (>= 1.4, < 3.0)
      multi_json (~> 1.11)
      os (>= 0.9, < 2.0)
      signet (>= 0.16, < 2.a)
    govuk_app_config (9.17.16)
      logstasher (~> 2.1)
      opentelemetry-exporter-otlp (>= 0.25, < 0.31)
      opentelemetry-instrumentation-all (>= 0.39.1, < 0.79.0)
      opentelemetry-sdk (~> 1.2)
      plek (>= 4, < 6)
      prometheus_exporter (~> 2.0)
      puma (>= 5.6, < 7.0)
      rack-proxy (~> 0.7)
      sentry-rails (~> 5.3)
      sentry-ruby (~> 5.3)
      statsd-ruby (~> 1.5)
    govuk_message_queue_consumer (6.0.0)
      bunny (~> 2.17)
      ostruct
    govuk_personalisation (1.1.0)
      plek (>= 1.9.0)
      rails (>= 6, < 9)
    govuk_publishing_components (59.0.1)
      govuk_app_config
      govuk_personalisation (>= 0.7.0)
      kramdown
      ostruct
      plek
      rails (>= 6)
      rouge
      sprockets (>= 3)
      sprockets-rails
    govuk_schemas (6.0.0)
      faker (>= 3.4.1, < 3.6.0)
      json-schema (>= 2.8, < 5.2)
    govuk_sidekiq (10.0.0)
      gds-api-adapters (>= 19.1.0)
      govuk_app_config (>= 1.1)
      redis-client (>= 0.22.2)
      sidekiq (~> 7.0, < 8)
    govuk_test (4.1.2)
      brakeman (>= 5.0.2)
      capybara (>= 3.36)
      puma
      selenium-webdriver (>= 4.0)
    groupdate (6.7.0)
      activesupport (>= 7.1)
    hashdiff (1.1.2)
    hashie (5.0.0)
    http-accept (1.7.0)
    http-cookie (1.0.8)
      domain_name (~> 0.5)
    httpclient (2.9.0)
      mutex_m
    i18n (1.14.7)
      concurrent-ruby (~> 1.0)
    inline_svg (1.10.0)
      activesupport (>= 3.0)
      nokogiri (>= 1.6)
    io-console (0.8.1)
    irb (1.15.2)
      pp (>= 0.6.0)
      rdoc (>= 4.0.0)
      reline (>= 0.4.2)
    jmespath (1.6.2)
    json (2.12.2)
    json-schema (5.1.1)
      addressable (~> 2.8)
      bigdecimal (~> 3.1)
    json_schema (0.21.0)
    jwt (2.10.1)
      base64
    kaminari (1.2.2)
      activesupport (>= 4.1.0)
      kaminari-actionview (= 1.2.2)
      kaminari-activerecord (= 1.2.2)
      kaminari-core (= 1.2.2)
    kaminari-actionview (1.2.2)
      actionview
      kaminari-core (= 1.2.2)
    kaminari-activerecord (1.2.2)
      activerecord
      kaminari-core (= 1.2.2)
    kaminari-core (1.2.2)
    kramdown (2.5.1)
      rexml (>= 3.3.9)
    language_server-protocol (3.17.0.5)
    link_header (0.0.8)
    lint_roller (1.1.0)
    listen (3.9.0)
      rb-fsevent (~> 0.10, >= 0.10.3)
      rb-inotify (~> 0.9, >= 0.9.10)
    logger (1.7.0)
    logstasher (2.1.5)
      activesupport (>= 5.2)
      request_store
    loofah (2.24.1)
      crass (~> 1.0.2)
      nokogiri (>= 1.12.0)
    mail (2.8.1)
      mini_mime (>= 0.1.1)
      net-imap
      net-pop
      net-smtp
    marcel (1.0.4)
    matrix (0.4.2)
    method_source (1.1.0)
    mime-types (3.7.0)
      logger
      mime-types-data (~> 3.2025, >= 3.2025.0507)
    mime-types-data (3.2025.0507)
    mini_mime (1.1.5)
    mini_portile2 (2.8.9)
    minitest (5.25.5)
    msgpack (1.8.0)
    multi_json (1.15.0)
    multi_xml (0.7.1)
      bigdecimal (~> 3.1)
    multipart-post (2.4.1)
    mutex_m (0.3.0)
    net-http (0.6.0)
      uri
    net-imap (0.5.9)
      date
      net-protocol
    net-pop (0.1.2)
      net-protocol
    net-protocol (0.2.2)
      timeout
    net-smtp (0.5.1)
      net-protocol
    netrc (0.11.0)
    nio4r (2.7.4)
    nokogiri (1.18.9)
      mini_portile2 (~> 2.8.2)
      racc (~> 1.4)
    nokogiri (1.18.9-aarch64-linux-gnu)
      racc (~> 1.4)
    nokogiri (1.18.9-arm-linux-gnu)
      racc (~> 1.4)
    nokogiri (1.18.9-arm64-darwin)
      racc (~> 1.4)
    nokogiri (1.18.9-x86_64-darwin)
      racc (~> 1.4)
    nokogiri (1.18.9-x86_64-linux-gnu)
      racc (~> 1.4)
    null_logger (0.0.1)
    oauth2 (2.0.9)
      faraday (>= 0.17.3, < 3.0)
      jwt (>= 1.0, < 3.0)
      multi_xml (~> 0.5)
      rack (>= 1.2, < 4)
      snaky_hash (~> 2.0)
      version_gem (~> 1.1)
    omniauth (2.1.3)
      hashie (>= 3.4.6)
      rack (>= 2.2.3)
      rack-protection
    omniauth-oauth2 (1.8.0)
      oauth2 (>= 1.4, < 3)
      omniauth (~> 2.0)
    openapi3_parser (0.10.1)
      commonmarker (>= 1.0)
    openapi_parser (2.2.6)
    opensearch-ruby (3.4.0)
      faraday (>= 1.0, < 3)
      multi_json (>= 1.0)
    opentelemetry-api (1.5.0)
    opentelemetry-common (0.22.0)
      opentelemetry-api (~> 1.0)
    opentelemetry-exporter-otlp (0.30.0)
      google-protobuf (>= 3.18)
      googleapis-common-protos-types (~> 1.3)
      opentelemetry-api (~> 1.1)
      opentelemetry-common (~> 0.20)
      opentelemetry-sdk (~> 1.2)
      opentelemetry-semantic_conventions
    opentelemetry-helpers-mysql (0.2.0)
      opentelemetry-api (~> 1.0)
      opentelemetry-common (~> 0.21)
    opentelemetry-helpers-sql (0.1.1)
      opentelemetry-api (~> 1.0)
    opentelemetry-helpers-sql-obfuscation (0.3.0)
      opentelemetry-common (~> 0.21)
    opentelemetry-instrumentation-action_mailer (0.4.0)
      opentelemetry-api (~> 1.0)
      opentelemetry-instrumentation-active_support (~> 0.7)
      opentelemetry-instrumentation-base (~> 0.23.0)
    opentelemetry-instrumentation-action_pack (0.12.3)
      opentelemetry-api (~> 1.0)
      opentelemetry-instrumentation-base (~> 0.23.0)
      opentelemetry-instrumentation-rack (~> 0.21)
    opentelemetry-instrumentation-action_view (0.9.0)
      opentelemetry-api (~> 1.0)
      opentelemetry-instrumentation-active_support (~> 0.7)
      opentelemetry-instrumentation-base (~> 0.23.0)
    opentelemetry-instrumentation-active_job (0.8.0)
      opentelemetry-api (~> 1.0)
      opentelemetry-instrumentation-base (~> 0.23.0)
    opentelemetry-instrumentation-active_model_serializers (0.22.0)
      opentelemetry-api (~> 1.0)
      opentelemetry-instrumentation-active_support (>= 0.7.0)
      opentelemetry-instrumentation-base (~> 0.23.0)
    opentelemetry-instrumentation-active_record (0.9.0)
      opentelemetry-api (~> 1.0)
      opentelemetry-instrumentation-base (~> 0.23.0)
    opentelemetry-instrumentation-active_storage (0.1.1)
      opentelemetry-api (~> 1.0)
      opentelemetry-instrumentation-active_support (~> 0.7)
      opentelemetry-instrumentation-base (~> 0.23.0)
    opentelemetry-instrumentation-active_support (0.8.0)
      opentelemetry-api (~> 1.0)
      opentelemetry-instrumentation-base (~> 0.23.0)
    opentelemetry-instrumentation-all (0.78.0)
      opentelemetry-instrumentation-active_model_serializers (~> 0.22.0)
      opentelemetry-instrumentation-aws_lambda (~> 0.3.0)
      opentelemetry-instrumentation-aws_sdk (~> 0.8.0)
      opentelemetry-instrumentation-bunny (~> 0.22.0)
      opentelemetry-instrumentation-concurrent_ruby (~> 0.22.0)
      opentelemetry-instrumentation-dalli (~> 0.27.0)
      opentelemetry-instrumentation-delayed_job (~> 0.23.0)
      opentelemetry-instrumentation-ethon (~> 0.22.0)
      opentelemetry-instrumentation-excon (~> 0.23.0)
      opentelemetry-instrumentation-faraday (~> 0.27.0)
      opentelemetry-instrumentation-grape (~> 0.3.0)
      opentelemetry-instrumentation-graphql (~> 0.29.0)
      opentelemetry-instrumentation-grpc (~> 0.2.0)
      opentelemetry-instrumentation-gruf (~> 0.3.0)
      opentelemetry-instrumentation-http (~> 0.25.0)
      opentelemetry-instrumentation-http_client (~> 0.23.0)
      opentelemetry-instrumentation-koala (~> 0.21.0)
      opentelemetry-instrumentation-lmdb (~> 0.23.0)
      opentelemetry-instrumentation-mongo (~> 0.23.0)
      opentelemetry-instrumentation-mysql2 (~> 0.29.0)
      opentelemetry-instrumentation-net_http (~> 0.23.0)
      opentelemetry-instrumentation-pg (~> 0.30.0)
      opentelemetry-instrumentation-que (~> 0.9.0)
      opentelemetry-instrumentation-racecar (~> 0.4.0)
      opentelemetry-instrumentation-rack (~> 0.26.0)
      opentelemetry-instrumentation-rails (~> 0.36.0)
      opentelemetry-instrumentation-rake (~> 0.3.1)
      opentelemetry-instrumentation-rdkafka (~> 0.7.0)
      opentelemetry-instrumentation-redis (~> 0.26.1)
      opentelemetry-instrumentation-resque (~> 0.6.0)
      opentelemetry-instrumentation-restclient (~> 0.23.0)
      opentelemetry-instrumentation-ruby_kafka (~> 0.22.0)
      opentelemetry-instrumentation-sidekiq (~> 0.26.0)
      opentelemetry-instrumentation-sinatra (~> 0.25.0)
      opentelemetry-instrumentation-trilogy (~> 0.61.0)
    opentelemetry-instrumentation-aws_lambda (0.3.0)
      opentelemetry-api (~> 1.0)
      opentelemetry-instrumentation-base (~> 0.23.0)
    opentelemetry-instrumentation-aws_sdk (0.8.1)
      opentelemetry-api (~> 1.0)
      opentelemetry-instrumentation-base (~> 0.23.0)
    opentelemetry-instrumentation-base (0.23.0)
      opentelemetry-api (~> 1.0)
      opentelemetry-common (~> 0.21)
      opentelemetry-registry (~> 0.1)
    opentelemetry-instrumentation-bunny (0.22.0)
      opentelemetry-api (~> 1.0)
      opentelemetry-instrumentation-base (~> 0.23.0)
    opentelemetry-instrumentation-concurrent_ruby (0.22.0)
      opentelemetry-api (~> 1.0)
      opentelemetry-instrumentation-base (~> 0.23.0)
    opentelemetry-instrumentation-dalli (0.27.3)
      opentelemetry-api (~> 1.0)
      opentelemetry-instrumentation-base (~> 0.23.0)
    opentelemetry-instrumentation-delayed_job (0.23.0)
      opentelemetry-api (~> 1.0)
      opentelemetry-instrumentation-base (~> 0.23.0)
    opentelemetry-instrumentation-ethon (0.22.0)
      opentelemetry-api (~> 1.0)
      opentelemetry-instrumentation-base (~> 0.23.0)
    opentelemetry-instrumentation-excon (0.23.0)
      opentelemetry-api (~> 1.0)
      opentelemetry-instrumentation-base (~> 0.23.0)
    opentelemetry-instrumentation-faraday (0.27.0)
      opentelemetry-api (~> 1.0)
      opentelemetry-instrumentation-base (~> 0.23.0)
    opentelemetry-instrumentation-grape (0.3.0)
      opentelemetry-api (~> 1.0)
      opentelemetry-instrumentation-base (~> 0.23.0)
      opentelemetry-instrumentation-rack (~> 0.21)
    opentelemetry-instrumentation-graphql (0.29.0)
      opentelemetry-api (~> 1.0)
      opentelemetry-instrumentation-base (~> 0.23.0)
    opentelemetry-instrumentation-grpc (0.2.1)
      opentelemetry-api (~> 1.0)
      opentelemetry-instrumentation-base (~> 0.23.0)
    opentelemetry-instrumentation-gruf (0.3.0)
      opentelemetry-api (>= 1.0.0)
      opentelemetry-instrumentation-base (~> 0.23.0)
    opentelemetry-instrumentation-http (0.25.1)
      opentelemetry-api (~> 1.0)
      opentelemetry-instrumentation-base (~> 0.23.0)
    opentelemetry-instrumentation-http_client (0.23.0)
      opentelemetry-api (~> 1.0)
      opentelemetry-instrumentation-base (~> 0.23.0)
    opentelemetry-instrumentation-koala (0.21.0)
      opentelemetry-api (~> 1.0)
      opentelemetry-instrumentation-base (~> 0.23.0)
    opentelemetry-instrumentation-lmdb (0.23.0)
      opentelemetry-api (~> 1.0)
      opentelemetry-instrumentation-base (~> 0.23.0)
    opentelemetry-instrumentation-mongo (0.23.0)
      opentelemetry-api (~> 1.0)
      opentelemetry-instrumentation-base (~> 0.23.0)
    opentelemetry-instrumentation-mysql2 (0.29.1)
      opentelemetry-api (~> 1.0)
      opentelemetry-helpers-mysql
      opentelemetry-helpers-sql
      opentelemetry-helpers-sql-obfuscation
      opentelemetry-instrumentation-base (~> 0.23.0)
    opentelemetry-instrumentation-net_http (0.23.0)
      opentelemetry-api (~> 1.0)
      opentelemetry-instrumentation-base (~> 0.23.0)
    opentelemetry-instrumentation-pg (0.30.1)
      opentelemetry-api (~> 1.0)
      opentelemetry-helpers-sql
      opentelemetry-helpers-sql-obfuscation
      opentelemetry-instrumentation-base (~> 0.23.0)
    opentelemetry-instrumentation-que (0.9.0)
      opentelemetry-api (~> 1.0)
      opentelemetry-instrumentation-base (~> 0.23.0)
    opentelemetry-instrumentation-racecar (0.4.0)
      opentelemetry-api (~> 1.0)
      opentelemetry-instrumentation-base (~> 0.23.0)
    opentelemetry-instrumentation-rack (0.26.0)
      opentelemetry-api (~> 1.0)
      opentelemetry-instrumentation-base (~> 0.23.0)
    opentelemetry-instrumentation-rails (0.36.0)
      opentelemetry-api (~> 1.0)
      opentelemetry-instrumentation-action_mailer (~> 0.4.0)
      opentelemetry-instrumentation-action_pack (~> 0.12.0)
      opentelemetry-instrumentation-action_view (~> 0.9.0)
      opentelemetry-instrumentation-active_job (~> 0.8.0)
      opentelemetry-instrumentation-active_record (~> 0.9.0)
      opentelemetry-instrumentation-active_storage (~> 0.1.0)
      opentelemetry-instrumentation-active_support (~> 0.8.0)
      opentelemetry-instrumentation-base (~> 0.23.0)
      opentelemetry-instrumentation-concurrent_ruby (~> 0.22.0)
    opentelemetry-instrumentation-rake (0.3.1)
      opentelemetry-api (~> 1.0)
      opentelemetry-instrumentation-base (~> 0.23.0)
    opentelemetry-instrumentation-rdkafka (0.7.0)
      opentelemetry-api (~> 1.0)
      opentelemetry-instrumentation-base (~> 0.23.0)
    opentelemetry-instrumentation-redis (0.26.1)
      opentelemetry-api (~> 1.0)
      opentelemetry-instrumentation-base (~> 0.23.0)
    opentelemetry-instrumentation-resque (0.6.0)
      opentelemetry-api (~> 1.0)
      opentelemetry-instrumentation-base (~> 0.23.0)
    opentelemetry-instrumentation-restclient (0.23.0)
      opentelemetry-api (~> 1.0)
      opentelemetry-instrumentation-base (~> 0.23.0)
    opentelemetry-instrumentation-ruby_kafka (0.22.0)
      opentelemetry-api (~> 1.0)
      opentelemetry-instrumentation-base (~> 0.23.0)
    opentelemetry-instrumentation-sidekiq (0.26.1)
      opentelemetry-api (~> 1.0)
      opentelemetry-instrumentation-base (~> 0.23.0)
    opentelemetry-instrumentation-sinatra (0.25.0)
      opentelemetry-api (~> 1.0)
      opentelemetry-instrumentation-base (~> 0.23.0)
      opentelemetry-instrumentation-rack (~> 0.21)
    opentelemetry-instrumentation-trilogy (0.61.1)
      opentelemetry-api (~> 1.0)
      opentelemetry-helpers-mysql
      opentelemetry-helpers-sql
      opentelemetry-helpers-sql-obfuscation
      opentelemetry-instrumentation-base (~> 0.23.0)
      opentelemetry-semantic_conventions (>= 1.8.0)
    opentelemetry-registry (0.4.0)
      opentelemetry-api (~> 1.1)
    opentelemetry-sdk (1.8.0)
      opentelemetry-api (~> 1.1)
      opentelemetry-common (~> 0.20)
      opentelemetry-registry (~> 0.2)
      opentelemetry-semantic_conventions
    opentelemetry-semantic_conventions (1.11.0)
      opentelemetry-api (~> 1.0)
    os (1.1.4)
    ostruct (0.6.2)
    parallel (1.27.0)
    parser (3.3.8.0)
      ast (~> 2.4.1)
      racc
    pg (1.5.9)
    plek (5.2.2)
    pp (0.6.2)
      prettyprint
    prettyprint (0.2.0)
    prism (1.4.0)
    prometheus_exporter (2.2.0)
      webrick
    pry (0.15.2)
      coderay (~> 1.1)
      method_source (~> 1.0)
    pry-byebug (3.11.0)
      byebug (~> 12.0)
      pry (>= 0.13, < 0.16)
    pry-rails (0.3.11)
      pry (>= 0.13.0)
    psych (5.2.6)
      date
      stringio
    public_suffix (6.0.2)
    puma (6.6.0)
      nio4r (~> 2.0)
    racc (1.8.1)
    rack (3.1.16)
    rack-attack (6.7.0)
      rack (>= 1.0, < 4)
    rack-protection (4.1.1)
      base64 (>= 0.1.0)
      logger (>= 1.6.0)
      rack (>= 3.0.0, < 4)
    rack-proxy (0.7.7)
      rack
    rack-session (2.1.1)
      base64 (>= 0.1.0)
      rack (>= 3.0.0)
    rack-test (2.2.0)
      rack (>= 1.3)
    rackup (2.2.1)
      rack (>= 3)
    rails (8.0.2)
      actioncable (= 8.0.2)
      actionmailbox (= 8.0.2)
      actionmailer (= 8.0.2)
      actionpack (= 8.0.2)
      actiontext (= 8.0.2)
      actionview (= 8.0.2)
      activejob (= 8.0.2)
      activemodel (= 8.0.2)
      activerecord (= 8.0.2)
      activestorage (= 8.0.2)
      activesupport (= 8.0.2)
      bundler (>= 1.15.0)
      railties (= 8.0.2)
    rails-dom-testing (2.3.0)
      activesupport (>= 5.0.0)
      minitest
      nokogiri (>= 1.6)
    rails-html-sanitizer (1.6.2)
      loofah (~> 2.21)
      nokogiri (>= 1.15.7, != 1.16.7, != 1.16.6, != 1.16.5, != 1.16.4, != 1.16.3, != 1.16.2, != 1.16.1, != 1.16.0.rc1, != 1.16.0)
    railties (8.0.2)
      actionpack (= 8.0.2)
      activesupport (= 8.0.2)
      irb (~> 1.13)
      rackup (>= 1.0.0)
      rake (>= 12.2)
      thor (~> 1.0, >= 1.2.2)
      zeitwerk (~> 2.6)
    rainbow (3.1.1)
    rake (13.3.0)
    rb-fsevent (0.11.2)
    rb-inotify (0.11.1)
      ffi (~> 1.0)
    rb_sys (0.9.106)
    rbtree (0.4.6)
    rdoc (6.14.2)
      erb
      psych (>= 4.0.0)
    redis-client (0.25.0)
      connection_pool
    regexp_parser (2.10.0)
    reline (0.6.2)
      io-console (~> 0.5)
    representable (3.2.0)
      declarative (< 0.1.0)
      trailblazer-option (>= 0.1.1, < 0.2.0)
      uber (< 0.2.0)
    request_store (1.7.0)
      rack (>= 1.4)
    rest-client (2.1.0)
      http-accept (>= 1.7.0, < 2.0)
      http-cookie (>= 1.0.2, < 2.0)
      mime-types (>= 1.16, < 4.0)
      netrc (~> 0.8)
    retriable (3.1.2)
    rexml (3.4.1)
    rouge (4.5.2)
    rspec-core (3.13.4)
      rspec-support (~> 3.13.0)
    rspec-expectations (3.13.5)
      diff-lcs (>= 1.2.0, < 2.0)
      rspec-support (~> 3.13.0)
    rspec-mocks (3.13.5)
      diff-lcs (>= 1.2.0, < 2.0)
      rspec-support (~> 3.13.0)
    rspec-rails (8.0.1)
      actionpack (>= 7.2)
      activesupport (>= 7.2)
      railties (>= 7.2)
      rspec-core (~> 3.13)
      rspec-expectations (~> 3.13)
      rspec-mocks (~> 3.13)
      rspec-support (~> 3.13)
    rspec-support (3.13.4)
    rubocop (1.78.0)
      json (~> 2.3)
      language_server-protocol (~> 3.17.0.2)
      lint_roller (~> 1.1.0)
      parallel (~> 1.10)
      parser (>= 3.3.0.2)
      rainbow (>= 2.2.2, < 4.0)
      regexp_parser (>= 2.9.3, < 3.0)
      rubocop-ast (>= 1.45.1, < 2.0)
      ruby-progressbar (~> 1.7)
      unicode-display_width (>= 2.4.0, < 4.0)
    rubocop-ast (1.45.1)
      parser (>= 3.3.7.2)
      prism (~> 1.4)
    rubocop-capybara (2.22.1)
      lint_roller (~> 1.1)
      rubocop (~> 1.72, >= 1.72.1)
    rubocop-govuk (5.1.17)
      rubocop (= 1.78.0)
      rubocop-ast (= 1.45.1)
      rubocop-capybara (= 2.22.1)
      rubocop-rails (= 2.32.0)
      rubocop-rake (= 0.7.1)
      rubocop-rspec (= 3.6.0)
    rubocop-rails (2.32.0)
      activesupport (>= 4.2.0)
      lint_roller (~> 1.1)
      rack (>= 1.1)
      rubocop (>= 1.75.0, < 2.0)
      rubocop-ast (>= 1.44.0, < 2.0)
    rubocop-rake (0.7.1)
      lint_roller (~> 1.1)
      rubocop (>= 1.72.1)
    rubocop-rspec (3.6.0)
      lint_roller (~> 1.1)
      rubocop (~> 1.72, >= 1.72.1)
    ruby-openai (8.1.0)
      event_stream_parser (>= 0.3.0, < 2.0.0)
      faraday (>= 1)
      faraday-multipart (>= 1)
    ruby-progressbar (1.13.0)
    rubyzip (2.4.1)
    sass-embedded (1.81.0-aarch64-linux-gnu)
      google-protobuf (~> 4.28)
    sass-embedded (1.81.0-arm-linux-gnueabihf)
      google-protobuf (~> 4.28)
    sass-embedded (1.81.0-arm64-darwin)
      google-protobuf (~> 4.28)
    sass-embedded (1.81.0-x86-linux-gnu)
      google-protobuf (~> 4.28)
    sass-embedded (1.81.0-x86_64-darwin)
      google-protobuf (~> 4.28)
    sass-embedded (1.81.0-x86_64-linux-gnu)
      google-protobuf (~> 4.28)
    securerandom (0.4.1)
    selenium-webdriver (4.32.0)
      base64 (~> 0.2)
      logger (~> 1.4)
      rexml (~> 3.2, >= 3.2.5)
      rubyzip (>= 1.2.2, < 3.0)
      websocket (~> 1.0)
    sentry-rails (5.26.0)
      railties (>= 5.0)
      sentry-ruby (~> 5.26.0)
    sentry-ruby (5.26.0)
      bigdecimal
      concurrent-ruby (~> 1.0, >= 1.0.2)
    sentry-sidekiq (5.26.0)
      sentry-ruby (~> 5.26.0)
      sidekiq (>= 3.0)
    set (1.1.1)
    sidekiq (7.3.9)
      base64
      connection_pool (>= 2.3.0)
      logger
      rack (>= 2.2.4)
      redis-client (>= 0.22.2)
    signet (0.19.0)
      addressable (~> 2.8)
      faraday (>= 0.17.5, < 3.a)
      jwt (>= 1.5, < 3.0)
      multi_json (~> 1.10)
    simplecov (0.22.0)
      docile (~> 1.1)
      simplecov-html (~> 0.11)
      simplecov_json_formatter (~> 0.1)
    simplecov-html (0.13.1)
    simplecov_json_formatter (0.1.4)
    smart_properties (1.17.0)
    snaky_hash (2.0.1)
      hashie
      version_gem (~> 1.1, >= 1.1.1)
    sorted_set (1.0.3)
      rbtree
      set (~> 1.0)
    sprockets (4.2.2)
      concurrent-ruby (~> 1.0)
      logger
      rack (>= 2.2.4, < 4)
    sprockets-rails (3.5.2)
      actionpack (>= 6.1)
      activesupport (>= 6.1)
      sprockets (>= 3.0.0)
    statsd-ruby (1.5.0)
    stringio (3.1.7)
    terser (1.2.6)
      execjs (>= 0.3.0, < 3)
    thor (1.4.0)
    tiktoken_ruby (0.0.11.1)
      rb_sys (= 0.9.106)
    tiktoken_ruby (0.0.11.1-aarch64-linux)
    tiktoken_ruby (0.0.11.1-arm-linux)
    tiktoken_ruby (0.0.11.1-arm64-darwin)
    tiktoken_ruby (0.0.11.1-x86_64-darwin)
    tiktoken_ruby (0.0.11.1-x86_64-linux)
    timeout (0.4.3)
    trailblazer-option (0.1.2)
    typhoeus (1.4.1)
      ethon (>= 0.9.0)
    tzinfo (2.0.6)
      concurrent-ruby (~> 1.0)
    uber (0.1.0)
    unicode-display_width (3.1.4)
      unicode-emoji (~> 4.0, >= 4.0.4)
    unicode-emoji (4.0.4)
    uri (1.0.3)
    useragent (0.16.11)
    version_gem (1.1.6)
    warden (1.2.9)
      rack (>= 2.0.9)
    warden-oauth2 (0.0.1)
      warden
    webmock (3.25.1)
      addressable (>= 2.8.0)
      crack (>= 0.3.2)
      hashdiff (>= 0.4.0, < 2.0.0)
    webrick (1.9.1)
    websocket (1.2.11)
    websocket-driver (0.8.0)
      base64
      websocket-extensions (>= 0.1.0)
    websocket-extensions (0.1.5)
    xpath (3.2.0)
      nokogiri (~> 1.8)
    zeitwerk (2.7.3)

PLATFORMS
  aarch64-linux
  arm-linux
  arm64-darwin
  x86-linux
  x86_64-darwin
  x86_64-linux

DEPENDENCIES
  anthropic
  aws-sdk-bedrockruntime
  blueprinter
  bootsnap
  brakeman
  chartkick
  climate_control
  committee
  csv
  dalli
  dartsass-rails
  dotenv
  erb_lint
  factory_bot_rails
  faraday
  faraday-typhoeus
  gds-api-adapters
  gds-sso
  google-cloud-bigquery
  govuk_app_config
  govuk_chat_private!
  govuk_message_queue_consumer
  govuk_publishing_components
  govuk_schemas
  govuk_sidekiq
  govuk_test
  groupdate
  hashie
  inline_svg
  kaminari
  kramdown
  nokogiri
  openapi3_parser
  opensearch-ruby
  pg
  prometheus_exporter
  pry-byebug
  pry-rails
  rack-attack
  rails (= 8.0.2)
  rspec-rails
  rubocop-govuk
  ruby-openai
  sentry-sidekiq
  simplecov
  sprockets-rails
  terser
  tiktoken_ruby
  webmock

CHECKSUMS
  actioncable (8.0.2) sha256=7bcce2df62e91a80143592600e16583c273e98aab50ae40a9f6a2604bb3289a0
  actionmailbox (8.0.2) sha256=3d8fb3453913e6257da4d02004bbfa2b997dfd10672f8d990e95013983e2cedb
  actionmailer (8.0.2) sha256=b0c968b38576ec56a3dc2795931818e0aaae6a18cc9801f53f175c12d4b277d0
  actionpack (8.0.2) sha256=93e703064f3815295ccf820f57acbca719aec836749597da9262781c9b2f4b78
  actiontext (8.0.2) sha256=a40db32032ee2fbb479d5d69318c4284344c1cda73836fd73ffcdb917d203abf
  actionview (8.0.2) sha256=e038e1405cdfc18f04f17243da4fb8eeda3a4992f63a6d70a7281d255cf7cebb
  activejob (8.0.2) sha256=b0228b45e36b1ef3a081c684e81494147e094a6baf729018756ccf125b1853ca
  activemodel (8.0.2) sha256=0ae1fb7fa1fae0699ba041a9e97702df42ea3b13f2d39f2d0fde51fca5f0656c
  activerecord (8.0.2) sha256=793470b92c44e4198d0262ac60086b7822f0ea585079ad67e32a6e4c86f2d90a
  activestorage (8.0.2) sha256=f83d221e0f06ae38f2200e55490bd155c76d0add330f6e300e8646048d672977
  activesupport (8.0.2) sha256=8565cddba31b900cdc17682fd66ecd020441e3eef320a9930285394e8c07a45e
  addressable (2.8.7) sha256=462986537cf3735ab5f3c0f557f14155d778f4b43ea4f485a9deb9c8f7c58232
  amq-protocol (2.3.3) sha256=85b42738290913a35dcc487a2ca0dd260a4150b40ed1954c9c1932df466abc1f
  anthropic (1.1.1) sha256=103812861ab3acf1c33e6ed326755b36e1df8a6d2a7a5f191a0d3c606c7968ca
  ast (2.4.3) sha256=954615157c1d6a382bc27d690d973195e79db7f55e9765ac7c481c60bdb4d383
  aws-eventstream (1.4.0) sha256=116bf85c436200d1060811e6f5d2d40c88f65448f2125bc77ffce5121e6e183b
  aws-partitions (1.1132.0) sha256=fd06db674fbcd282ce6610cf693f0da551506e2b19bf708a04f29b5b51abce9f
  aws-sdk-bedrockruntime (1.52.0) sha256=0596e13c52c2dc588360f7caba15f2872f034c17ee54be0ec01fcae38cdf6705
  aws-sdk-core (3.227.0) sha256=99071fc5e3ca9347873fd114574319740c3041745df3c74e27875bd912dfc79e
  aws-sigv4 (1.12.1) sha256=6973ff95cb0fd0dc58ba26e90e9510a2219525d07620c8babeb70ef831826c00
  base64 (0.3.0) sha256=27337aeabad6ffae05c265c450490628ef3ebd4b67be58257393227588f5a97b
  benchmark (0.4.1) sha256=d4ef40037bba27f03b28013e219b950b82bace296549ec15a78016552f8d2cce
  better_html (2.1.1) sha256=046c3551d1488a3f2939a7cac6fabf2bde08c32e135c91fcd683380118e5af55
  bigdecimal (3.2.2) sha256=39085f76b495eb39a79ce07af716f3a6829bc35eb44f2195e2753749f2fa5adc
  blueprinter (1.1.2) sha256=e09945686d13539f9e911403b4f13cf4dcb83c951abd188bfca8754afbfb2249
  bootsnap (1.18.6) sha256=0ae2393c1e911e38be0f24e9173e7be570c3650128251bf06240046f84a07d00
  brakeman (7.1.0) sha256=bbc708a75a53008490c8b9600b97fa85cb3d5a8818dd1560f18e0b89475d48af
  builder (3.3.0) sha256=497918d2f9dca528fdca4b88d84e4ef4387256d984b8154e9d5d3fe5a9c8835f
  bunny (2.24.0) sha256=072fe4ae98eaa9c95a17e4d166204f710bba8a9a7070b73a8c3b023f439d1682
  byebug (12.0.0) sha256=d4a150d291cca40b66ec9ca31f754e93fed8aa266a17335f71bb0afa7fca1a1e
  capybara (3.40.0) sha256=42dba720578ea1ca65fd7a41d163dd368502c191804558f6e0f71b391054aeef
  chartkick (5.2.0) sha256=75273928d7a4a93301d23647885a1041359104550071699222e0923d2d38f576
  climate_control (1.2.0) sha256=36b21896193fa8c8536fa1cd843a07cf8ddbd03aaba43665e26c53ec1bd70aa5
  coderay (1.1.3) sha256=dc530018a4684512f8f38143cd2a096c9f02a1fc2459edcfe534787a7fc77d4b
  committee (5.5.4) sha256=0607a25ad2363213a1f9a4bc3face9b9a936c1e5bc82167bd9f19448dc06f5d8
  commonmarker (2.3.0) sha256=74fb85e4ae59a9fc166dd1813ad791805d09dec1a4e79c81a7be0a6a8dc5dc63
  commonmarker (2.3.0-aarch64-linux) sha256=63e6c599ed2b1a01c012e5524ed25f60ab1132c6b582bcef0aa542770d3087ee
  commonmarker (2.3.0-arm64-darwin) sha256=fb5a6416395cbac63bb7741887c74e17141be75f407a292ab98cd6c8ab4894a2
  commonmarker (2.3.0-x86_64-darwin) sha256=65919fe63bc1e01319d958351ae611cc913bd2a8aa3f1a4f3fb3d12e82fbc568
  commonmarker (2.3.0-x86_64-linux) sha256=a6f2b523be0c3e4752aaf55cc5026239080b81f91bd2f72226b6e71919d204d0
  concurrent-ruby (1.3.5) sha256=813b3e37aca6df2a21a3b9f1d497f8cbab24a2b94cab325bffe65ee0f6cbebc6
  connection_pool (2.5.3) sha256=cfd74a82b9b094d1ce30c4f1a346da23ee19dc8a062a16a85f58eab1ced4305b
  crack (1.0.0) sha256=c83aefdb428cdc7b66c7f287e488c796f055c0839e6e545fec2c7047743c4a49
  crass (1.0.6) sha256=dc516022a56e7b3b156099abc81b6d2b08ea1ed12676ac7a5657617f012bd45d
  csv (3.3.5) sha256=6e5134ac3383ef728b7f02725d9872934f523cb40b961479f69cf3afa6c8e73f
  dalli (3.2.8) sha256=2e63595084d91fae2655514a02c5d4fc0f16c0799893794abe23bf628bebaaa5
  dartsass-rails (0.5.1) sha256=f19510fb1b29c76c1739a06954d615f1d20ad653b6fc668dd7c68542bb303a1a
  date (3.4.1) sha256=bf268e14ef7158009bfeaec40b5fa3c7271906e88b196d958a89d4b408abe64f
  declarative (0.0.20) sha256=8021dd6cb17ab2b61233c56903d3f5a259c5cf43c80ff332d447d395b17d9ff9
  diff-lcs (1.6.2) sha256=9ae0d2cba7d4df3075fe8cd8602a8604993efc0dfa934cff568969efb1909962
  docile (1.4.1) sha256=96159be799bfa73cdb721b840e9802126e4e03dfc26863db73647204c727f21e
  domain_name (0.6.20240107) sha256=5f693b2215708476517479bf2b3802e49068ad82167bcd2286f899536a17d933
  dotenv (3.1.8) sha256=9e1176060ced581f8e6ce4384e91361817763a76e3c625c8bddc18b35bd392c3
  drb (2.2.3) sha256=0b00d6fdb50995fe4a45dea13663493c841112e4068656854646f418fda13373
  erb (5.0.2) sha256=d30f258143d4300fb4ecf430042ac12970c9bb4b33c974a545b8f58c1ec26c0f
  erb_lint (0.9.0) sha256=dfb5e40ad839e8d1f0d56ca85ec9a7ac4c9cd966ec281138282f35b323ca7c31
  erubi (1.13.1) sha256=a082103b0885dbc5ecf1172fede897f9ebdb745a4b97a5e8dc63953db1ee4ad9
  ethon (0.16.0) sha256=bba0da1cea8ac3e1f5cdd7cb1cb5fc78d7ac562c33736f18f0c3eb2b63053d9e
  event_stream_parser (1.0.0) sha256=a2683bab70126286f8184dc88f7968ffc4028f813161fb073ec90d171f7de3c8
  execjs (2.10.0) sha256=6bcb8be8f0052ff9d370b65d1c080f2406656e150452a0abdb185a133048450d
  factory_bot (6.5.4) sha256=4707fb7d80a7c14d71feb069460587bfc342e4ff1ef28097e0ad69d5ddfce613
  factory_bot_rails (6.5.0) sha256=4a7b61635424a57cc60412a18b72b9dcfb02fabfce2c930447a01dce8b37c0a2
  faker (3.5.1) sha256=1ad1fbea279d882f486059c23fe3ddb816ccd1d7052c05a45014b4450d859bfc
  faraday (2.13.2) sha256=5c19762e3bbe78e61d8007c5119f2968373c5296d6c6d6aa05b6f9cec34f2a1a
  faraday-multipart (1.1.0) sha256=856b0f1c7316a4d6c052dd2eef5c42f887d56d93a171fe8880da1af064ca0751
  faraday-net_http (3.4.1) sha256=095757fae7872b94eac839c08a1a4b8d84fd91d6886cfbe75caa2143de64ab3b
  faraday-typhoeus (1.1.0) sha256=24c6147c213818dde3ebc50ae47ab92f9a7e554903aa362707126f749c6890e7
  ffi (1.17.0) sha256=51630e43425078311c056ca75f961bb3bda1641ab36e44ad4c455e0b0e4a231c
  gds-api-adapters (99.2.0) sha256=6be4a9cf638a8eefac26fcba4027e92f0b0b2a7b5efac0e4fce0a66a263eb2ae
  gds-sso (20.0.0) sha256=dd4cacdabb3c675ede88e05f8efbea4f443a20748c1379ccffd53127d2bcb080
  globalid (1.2.1) sha256=70bf76711871f843dbba72beb8613229a49429d1866828476f9c9d6ccc327ce9
  google-apis-bigquery_v2 (0.87.0) sha256=4265bd7558bd1f5de78e2d55d12a92dc8c1569d069d66ef562cc2ad5e287a5a7
  google-apis-core (0.16.0) sha256=046a2c30a5ec123b2a6bc5e64348be781ce5fcd18dd4e85982e7a6a8da9d0dcc
  google-cloud-bigquery (1.52.1) sha256=20635badc4c7fa2dca3aab38ad03d95ddf7eb2c9e996c0e63cd94fe561e7fa13
  google-cloud-core (1.8.0) sha256=e572edcbf189cfcab16590628a516cec3f4f63454b730e59f0b36575120281cf
  google-cloud-env (2.2.2) sha256=94bed40e05a67e9468ce1cb38389fba9a90aa8fc62fc9e173204c1dca59e21e7
  google-cloud-errors (1.5.0) sha256=b56be28b8c10628125214dde571b925cfcebdbc58619e598250c37a2114f7b4b
  google-logging-utils (0.1.0) sha256=70950b1e49314273cf2e167adb47b62af7917a4691b580da7e9be67b9205fcd5
  google-protobuf (4.31.1) sha256=022bc82931a0860a7f2ace41bd48e904c8e65032c1d5eefc33294b5edf9741f8
  google-protobuf (4.31.1-aarch64-linux-gnu) sha256=d5b8268b2e07776b15a73ed96ca416eab771821b162b239dbdbfb2c85e2d17e5
  google-protobuf (4.31.1-arm64-darwin) sha256=177ca61d254e4516d42997aa9d3127fd5e04ffc60c4ad333b1515ded6d7af89d
  google-protobuf (4.31.1-x86-linux-gnu) sha256=88fbe376846cd2eb16f538f56c987ec389b932316f40a4db53c317543e0c978e
  google-protobuf (4.31.1-x86_64-darwin) sha256=bdf067d1456167275ca7ce269922a99d24fcb9071d86429289cd73f0cf536ae4
  google-protobuf (4.31.1-x86_64-linux-gnu) sha256=7def6dbf996dab289dd541a3ee8b201e2c3e35911c274325ad9b483ebffb6dcd
  googleapis-common-protos-types (1.20.0) sha256=5e374b06bcfc7e13556e7c0d87b99f1fa3d42de6396a1de3d8fc13aefb4dd07f
  googleauth (1.14.0) sha256=62e7de11791890c3d3dc70582dfd9ab5516530e4e4f56d96451fd62c76475149
  govuk_app_config (9.17.16) sha256=b2f18872b1ba57bd1a2e8b8805ddbd2e6db7e8b949e95e1457aacc498fa573b8
  govuk_chat_private (0.0.1)
  govuk_message_queue_consumer (6.0.0) sha256=0fd749fa458910e4983fdc307f790311cffe91fa912aebb2e2f5094110864848
  govuk_personalisation (1.1.0) sha256=6e7a0dcfaec11570d95490160a95aff85150df5b667a586ecd7d5de04feac5dd
  govuk_publishing_components (59.0.1) sha256=3b0f022364b6e0e5d75f3b407bbb9510b88bfb48461386a57413a5a6bd0d2f40
  govuk_schemas (6.0.0) sha256=e53d5bb946a0bac29aa75635146fe29b8b28dfc186035b39603583b0dbd14a8b
  govuk_sidekiq (10.0.0) sha256=0d0485f6946f5e212eb5d6f5105c406a25f3cd059592a5b490b78f1d71818de8
  govuk_test (4.1.2) sha256=ab0318c625d0e4b9358092bb7add4c852dd1bc69a3ff2edcfe4bfa1d156c9bb9
  groupdate (6.7.0) sha256=beaa8d5bf3856814681914a1d4a20e77436a2214b85d0017dc2ea5c355fb6777
  hashdiff (1.1.2) sha256=2c30eeded6ed3dce8401d2b5b99e6963fe5f14ed85e60dd9e33c545a44b71a77
  hashie (5.0.0) sha256=9d6c4e51f2a36d4616cbc8a322d619a162d8f42815a792596039fc95595603da
  http-accept (1.7.0) sha256=c626860682bfbb3b46462f8c39cd470fd7b0584f61b3cc9df5b2e9eb9972a126
  http-cookie (1.0.8) sha256=b14fe0445cf24bf9ae098633e9b8d42e4c07c3c1f700672b09fbfe32ffd41aa6
  httpclient (2.9.0) sha256=4b645958e494b2f86c2f8a2f304c959baa273a310e77a2931ddb986d83e498c8
  i18n (1.14.7) sha256=ceba573f8138ff2c0915427f1fc5bdf4aa3ab8ae88c8ce255eb3ecf0a11a5d0f
  inline_svg (1.10.0) sha256=5b652934236fd9f8adc61f3fd6e208b7ca3282698b19f28659971da84bf9a10f
  io-console (0.8.1) sha256=1e15440a6b2f67b6ea496df7c474ed62c860ad11237f29b3bd187f054b925fcb
  irb (1.15.2) sha256=222f32952e278da34b58ffe45e8634bf4afc2dc7aa9da23fed67e581aa50fdba
  jmespath (1.6.2) sha256=238d774a58723d6c090494c8879b5e9918c19485f7e840f2c1c7532cf84ebcb1
  json (2.12.2) sha256=ba94a48ad265605c8fa9a50a5892f3ba6a02661aa010f638211f3cb36f44abf4
  json-schema (5.1.1) sha256=b3829ad9bcdfc5010d8a160c4c2bebb8fed8d05d22de65648f6ba646b071f9bf
  json_schema (0.21.0) sha256=d6e1eaf004a5185b7679eee34286a79d48e467d794ff68981d72ad23d3b2ec5b
  jwt (2.10.1) sha256=e6424ae1d813f63e761a04d6284e10e7ec531d6f701917fadcd0d9b2deaf1cc5
  kaminari (1.2.2) sha256=c4076ff9adccc6109408333f87b5c4abbda5e39dc464bd4c66d06d9f73442a3e
  kaminari-actionview (1.2.2) sha256=1330f6fc8b59a4a4ef6a549ff8a224797289ebf7a3a503e8c1652535287cc909
  kaminari-activerecord (1.2.2) sha256=0dd3a67bab356a356f36b3b7236bcb81cef313095365befe8e98057dd2472430
  kaminari-core (1.2.2) sha256=3bd26fec7370645af40ca73b9426a448d09b8a8ba7afa9ba3c3e0d39cdbb83ff
  kramdown (2.5.1) sha256=87bbb6abd9d3cebe4fc1f33e367c392b4500e6f8fa19dd61c0972cf4afe7368c
  language_server-protocol (3.17.0.5) sha256=fd1e39a51a28bf3eec959379985a72e296e9f9acfce46f6a79d31ca8760803cc
  link_header (0.0.8) sha256=15c65ce43b29f739b30d05e5f25c22c23797e89cf6f905dbb595fb4c70cb55f9
  lint_roller (1.1.0) sha256=2c0c845b632a7d172cb849cc90c1bce937a28c5c8ccccb50dfd46a485003cc87
  listen (3.9.0) sha256=db9e4424e0e5834480385197c139cb6b0ae0ef28cc13310cfd1ca78377d59c67
  logger (1.7.0) sha256=196edec7cc44b66cfb40f9755ce11b392f21f7967696af15d274dde7edff0203
  logstasher (2.1.5) sha256=095e9208d9a72b9da521909b3947cf3776c70517e933acbf071228617dcd0d02
  loofah (2.24.1) sha256=655a30842b70ec476410b347ab1cd2a5b92da46a19044357bbd9f401b009a337
  mail (2.8.1) sha256=ec3b9fadcf2b3755c78785cb17bc9a0ca9ee9857108a64b6f5cfc9c0b5bfc9ad
  marcel (1.0.4) sha256=0d5649feb64b8f19f3d3468b96c680bae9746335d02194270287868a661516a4
  matrix (0.4.2) sha256=71083ccbd67a14a43bfa78d3e4dc0f4b503b9cc18e5b4b1d686dc0f9ef7c4cc0
  method_source (1.1.0) sha256=181301c9c45b731b4769bc81e8860e72f9161ad7d66dd99103c9ab84f560f5c5
  mime-types (3.7.0) sha256=dcebf61c246f08e15a4de34e386ebe8233791e868564a470c3fe77c00eed5e56
  mime-types-data (3.2025.0507) sha256=0e737b8bce30d60839bd2ac4fe1569966ce54bd5709346154752cd5514a63bd9
  mini_mime (1.1.5) sha256=8681b7e2e4215f2a159f9400b5816d85e9d8c6c6b491e96a12797e798f8bccef
  mini_portile2 (2.8.9) sha256=0cd7c7f824e010c072e33f68bc02d85a00aeb6fce05bb4819c03dfd3c140c289
  minitest (5.25.5) sha256=391b6c6cb43a4802bfb7c93af1ebe2ac66a210293f4a3fb7db36f2fc7dc2c756
  msgpack (1.8.0) sha256=e64ce0212000d016809f5048b48eb3a65ffb169db22238fb4b72472fecb2d732
  multi_json (1.15.0) sha256=1fd04138b6e4a90017e8d1b804c039031399866ff3fbabb7822aea367c78615d
  multi_xml (0.7.1) sha256=4fce100c68af588ff91b8ba90a0bb3f0466f06c909f21a32f4962059140ba61b
  multipart-post (2.4.1) sha256=9872d03a8e552020ca096adadbf5e3cb1cd1cdd6acd3c161136b8a5737cdb4a8
  mutex_m (0.3.0) sha256=cfcb04ac16b69c4813777022fdceda24e9f798e48092a2b817eb4c0a782b0751
  net-http (0.6.0) sha256=9621b20c137898af9d890556848c93603716cab516dc2c89b01a38b894e259fb
  net-imap (0.5.9) sha256=d95905321e1bd9f294ffc7ff8697be218eee1ec96c8504c0960964d0a0be33fc
  net-pop (0.1.2) sha256=848b4e982013c15b2f0382792268763b748cce91c9e91e36b0f27ed26420dff3
  net-protocol (0.2.2) sha256=aa73e0cba6a125369de9837b8d8ef82a61849360eba0521900e2c3713aa162a8
  net-smtp (0.5.1) sha256=ed96a0af63c524fceb4b29b0d352195c30d82dd916a42f03c62a3a70e5b70736
  netrc (0.11.0) sha256=de1ce33da8c99ab1d97871726cba75151113f117146becbe45aa85cb3dabee3f
  nio4r (2.7.4) sha256=d95dee68e0bb251b8ff90ac3423a511e3b784124e5db7ff5f4813a220ae73ca9
  nokogiri (1.18.9) sha256=ac5a7d93fd0e3cef388800b037407890882413feccca79eb0272a2715a82fa33
  nokogiri (1.18.9-aarch64-linux-gnu) sha256=5bcfdf7aa8d1056a7ad5e52e1adffc64ef53d12d0724fbc6f458a3af1a4b9e32
  nokogiri (1.18.9-arm-linux-gnu) sha256=fe611ae65880e445a9c0f650d52327db239f3488626df4173c05beafd161d46e
  nokogiri (1.18.9-arm64-darwin) sha256=eea3f1f06463ff6309d3ff5b88033c4948d0da1ab3cc0a3a24f63c4d4a763979
  nokogiri (1.18.9-x86_64-darwin) sha256=e0d2deb03d3d7af8016e8c9df5ff4a7d692159cefb135cbb6a4109f265652348
  nokogiri (1.18.9-x86_64-linux-gnu) sha256=b52f5defedc53d14f71eeaaf990da66b077e1918a2e13088b6a96d0230f44360
  null_logger (0.0.1) sha256=5039c505a2e00f50111f266db62b8c9c5b57e9c8f28380944d79a55ec8a9f5a1
  oauth2 (2.0.9) sha256=b21f9defcf52dc1610e0dfab4c868342173dcd707fd15c777d9f4f04e153f7fb
  omniauth (2.1.3) sha256=8d24e2e55c41926c96e4a93fd566bc026dfd6f2c850408748e89945a565956c2
  omniauth-oauth2 (1.8.0) sha256=b2f8e9559cc7e2d4efba57607691d6d2b634b879fc5b5b6ccfefa3da85089e78
  openapi3_parser (0.10.1) sha256=e373bfcec1f183252a51fbe28787b52c4052e045697bae1778258bb9b3296a19
  openapi_parser (2.2.6) sha256=10ca80caa40997f6a6dc4412c0c0f6890b835c276e7ece4f0e4f25a45c19c584
  opensearch-ruby (3.4.0) sha256=0a8621686bed3c59b4c23e08cbaef873685a3fe4568e9d2703155ca92b8ca05d
  opentelemetry-api (1.5.0) sha256=8dcc33e7aba70b1da630065ce0db3d6f50cb8ebd2017383209739439025ea997
  opentelemetry-common (0.22.0) sha256=ce5e96a0f838d67eb70a1d32e02bdbe7b8f41767bc71994d73b299a8b0c5878d
  opentelemetry-exporter-otlp (0.30.0) sha256=07cb0446bb782dfcf7cc27d2d6ebcf9aef1a4585b3f4952be6276a1e77d5ba97
  opentelemetry-helpers-mysql (0.2.0) sha256=dd05f5f40bf5169cd3b8fef355fb050506542fa6b32ace19e8124f6dec5b261f
  opentelemetry-helpers-sql (0.1.1) sha256=19e861c2c69d1b61852ee4fba3ef7c0d06e6885ee4156dc06fb963a3e2eedb8d
  opentelemetry-helpers-sql-obfuscation (0.3.0) sha256=f5d866d58f98267b5302be479c9dddad25ddf7db19030d44fb5ab93025ea9e4b
  opentelemetry-instrumentation-action_mailer (0.4.0) sha256=e8b5959572038dc0367300b5425f2f7b297fc0b372a966832b1aad4af06ee9a2
  opentelemetry-instrumentation-action_pack (0.12.3) sha256=ba381378992a1cd7dee956803c4473e367094721bb0717228f10f4754b77e4e6
  opentelemetry-instrumentation-action_view (0.9.0) sha256=4b434644650bf66c0bab9984c0b1f2e2c474ed0b0d5638f5153677efe8bcc561
  opentelemetry-instrumentation-active_job (0.8.0) sha256=9d5d884e05421ca9444635ac9c96886bccf1a042d4ee5d3282f620d0acd5613d
  opentelemetry-instrumentation-active_model_serializers (0.22.0) sha256=fdfd0fafb1c90e4f121c4c215540abdc928f72c4de4b0643db870459d56c4bbe
  opentelemetry-instrumentation-active_record (0.9.0) sha256=9cbcb92dbfd48fa7bbf7524e3567e334f1773055467e9c6fbeaa49d911a60140
  opentelemetry-instrumentation-active_storage (0.1.1) sha256=a654926abbeca00ec1fe942f9e4ded610530e23630d2cfb88fb876eabef4a703
  opentelemetry-instrumentation-active_support (0.8.0) sha256=9be102354e420ed08a6841d113e39d9c5480ed35940fe7268c7297656167d999
  opentelemetry-instrumentation-all (0.78.0) sha256=1d33ba6b5f5d5a203f60f535277f08b18fba671cde6a3d8b213e70c940307480
  opentelemetry-instrumentation-aws_lambda (0.3.0) sha256=00e4ccec484f598a65ce4aa7ea9caccaeab3b8c6219690d93072c814299706b4
  opentelemetry-instrumentation-aws_sdk (0.8.1) sha256=84f296e8c16c620b6111fdd544d49c56cdde939f574091cfa20d849f7cfb7ec7
  opentelemetry-instrumentation-base (0.23.0) sha256=b3e103ceea2ccf3e6269a394938a5bc239c80d113869fe2b2ac49ba27c3c1c50
  opentelemetry-instrumentation-bunny (0.22.0) sha256=8cb0c40937a30e53fd0df3af400fc49a829d2ec0eb14f3a2a28d052d8207eaf5
  opentelemetry-instrumentation-concurrent_ruby (0.22.0) sha256=fba61e55b4f66331a53ad82cb0a0c225a1ddea9a4f693fcf2e9fa7e7199c6897
  opentelemetry-instrumentation-dalli (0.27.3) sha256=815e5d9588d72103af18be3151a558cd237f31220b3cc11295cc2a80e740bf09
  opentelemetry-instrumentation-delayed_job (0.23.0) sha256=11aa70f920c5872b687f33d966898416f14d7c0c244ff7d6f3be1566d8a133fc
  opentelemetry-instrumentation-ethon (0.22.0) sha256=98746b7c2d46063b9811a79117684315531b23b298007d29d8cbed4a9f23d384
  opentelemetry-instrumentation-excon (0.23.0) sha256=3ae5c57a05457f3bfea796ef815d261df94ffc4a83e4b691128044185a8a3f07
  opentelemetry-instrumentation-faraday (0.27.0) sha256=2376b11c04a69d5f6619066916f9373942c9d5b5a218ab4efdcf72d5e7de4564
  opentelemetry-instrumentation-grape (0.3.0) sha256=80c375301c85e9a94fb12836252792d199a30831502ffd607239b824f7f5490c
  opentelemetry-instrumentation-graphql (0.29.0) sha256=b4f8e9f3f1a06268fb53f0077a67e1437f07d1946fb1d9e1d5ce8861228089e2
  opentelemetry-instrumentation-grpc (0.2.1) sha256=4d1a4ee8b5e41636da942954b90b8d974922c6a17cf896708c3d539b815ab992
  opentelemetry-instrumentation-gruf (0.3.0) sha256=9c45dd36ccee3bbc0f43ab1bf6c3ddee4eaa4b16ab4033658dbc7ec10f9cdee7
  opentelemetry-instrumentation-http (0.25.1) sha256=70424c12fa60f850f0a8218d3ce425ed9bd7d548cd43b5572876b3301f85bb3f
  opentelemetry-instrumentation-http_client (0.23.0) sha256=90cf55b55d95c207e6bc9c5d78662aed4f727d0fd722e638ffcd8225da2f9cdc
  opentelemetry-instrumentation-koala (0.21.0) sha256=3c43dc8de4c111463c897602696c548c2d70cc51ccf30b19ec9452184b4ac8ba
  opentelemetry-instrumentation-lmdb (0.23.0) sha256=617ecfffc389dca3af5afbce58d0e8380b95e158896d00d22cec39b5b75544d7
  opentelemetry-instrumentation-mongo (0.23.0) sha256=1d500469c107fb68047802ba3d52d8ab023ee0b79ded6236135bbd2833a2ee4b
  opentelemetry-instrumentation-mysql2 (0.29.1) sha256=26bf2e5a8faa1a53648ee88a2fb1cc8eae57e93794f8064247da6f6556ce487e
  opentelemetry-instrumentation-net_http (0.23.0) sha256=91123b721848f807e72157725771f680f70ecdbbdd58c05577713234ff1c0a80
  opentelemetry-instrumentation-pg (0.30.1) sha256=85353ad70012e3a2e196c66a2c8029e791746e028997fcf43bedfdad3ac74f27
  opentelemetry-instrumentation-que (0.9.0) sha256=bc8038459d44de7d2320a4d290ad86725ffdc1c1d28cc508928ad7fa44c8a704
  opentelemetry-instrumentation-racecar (0.4.0) sha256=283e00fa350eb8677fd1e6e6768bbce060e48fb89a635782c12691d889f42dc2
  opentelemetry-instrumentation-rack (0.26.0) sha256=8a55910b358e08acab0899fc99227058b72fca76a27e382e6b34b365abb87bad
  opentelemetry-instrumentation-rails (0.36.0) sha256=f21e26fad6660d64a9711b9317f059c21376cc9a1facdeb3956c9f20098eb717
  opentelemetry-instrumentation-rake (0.3.1) sha256=dd12d24373a6f293de51ecff8986f2e341a24ad28b2dbabac21f2ccfbb43dcd9
  opentelemetry-instrumentation-rdkafka (0.7.0) sha256=c1fec9f85234498bd4895d9453ea382f0a8e80b314ae722bd021926e87710dc2
  opentelemetry-instrumentation-redis (0.26.1) sha256=315efba5560c943dfe8ea41b16ab162418fc7423c45bb36c4bcc91a310467ba0
  opentelemetry-instrumentation-resque (0.6.0) sha256=b61d5c3fb3d3e96a1dc34cb242addfdd8cf8f6471a9518d3ffa57d26b99e917f
  opentelemetry-instrumentation-restclient (0.23.0) sha256=a8cedef3979f14e5c9b97e24150d6e5cd8d2646452d8816360875cf4d4d9a7b9
  opentelemetry-instrumentation-ruby_kafka (0.22.0) sha256=a79f2138ab0daf251ab9b7721b9d91938a8b63b8ee5375173b95ce5a6cc65ada
  opentelemetry-instrumentation-sidekiq (0.26.1) sha256=853aea9d88642643b29a8ed818e290e374586f72f304c785b672b9086360f3d2
  opentelemetry-instrumentation-sinatra (0.25.0) sha256=6aa6f76eecfb0d8a216f9f3d92d7ad0ca59791a53dfa06a8b721664153927498
  opentelemetry-instrumentation-trilogy (0.61.1) sha256=51b4dc951e3830391b6043000eb79ad6a23eaf6fd8b7892e02caa3c1d9f94cb0
  opentelemetry-registry (0.4.0) sha256=903fa6bfaa29eac1c1d73a4fdd29b850977b5353b84b8cdff11222c00ad2968f
  opentelemetry-sdk (1.8.0) sha256=fad979b4a6c7ad5b2f9f2bfde77ab5c0c6a9b81d5a6458becf5957e3fa371df7
  opentelemetry-semantic_conventions (1.11.0) sha256=89f209f588d48a8e38ca2205c24c6b4a35f3d2622c2f1854bd476c56290afdcb
  os (1.1.4) sha256=57816d6a334e7bd6aed048f4b0308226c5fb027433b67d90a9ab435f35108d3f
  ostruct (0.6.2) sha256=6d7302a299e400a2c248d6ce0dad18fc3a5714e8096facc25ffd0c54ee57cfc0
  parallel (1.27.0) sha256=4ac151e1806b755fb4e2dc2332cbf0e54f2e24ba821ff2d3dcf86bf6dc4ae130
  parser (3.3.8.0) sha256=2476364142b307fa5a1b1ece44f260728be23858a9c71078e956131a75453c45
  pg (1.5.9) sha256=761efbdf73b66516f0c26fcbe6515dc7500c3f0aa1a1b853feae245433c64fdc
  plek (5.2.2) sha256=f508a25c97cf174e492be6270ee9fc9698051ab79170461582302d7b8cb0e180
  pp (0.6.2) sha256=947ec3120c6f92195f8ee8aa25a7b2c5297bb106d83b41baa02983686577b6ff
  prettyprint (0.2.0) sha256=2bc9e15581a94742064a3cc8b0fb9d45aae3d03a1baa6ef80922627a0766f193
  prism (1.4.0) sha256=dc0e3e00e93160213dc2a65519d9002a4a1e7b962db57d444cf1a71565bb703e
  prometheus_exporter (2.2.0) sha256=38a71af112da26b588f67948e5dcc32d539b26cfbf25115e92caca8db8437497
  pry (0.15.2) sha256=12d54b8640d3fa29c9211dd4ffb08f3fd8bf7a4fd9b5a73ce5b59c8709385b6b
  pry-byebug (3.11.0) sha256=0b0abb7d309bc7f00044d512a3c8567274f7012b944b38becc8440439a1cea72
  pry-rails (0.3.11) sha256=a69e28e24a34d75d1f60bcf241192a54253f8f7ef8a62cba1e75750a9653593d
  psych (5.2.6) sha256=814328aa5dcb6d604d32126a20bc1cbcf05521a5b49dbb1a8b30a07e580f316e
  public_suffix (6.0.2) sha256=bfa7cd5108066f8c9602e0d6d4114999a5df5839a63149d3e8b0f9c1d3558394
  puma (6.6.0) sha256=f25c06873eb3d5de5f0a4ebc783acc81a4ccfe580c760cfe323497798018ad87
  racc (1.8.1) sha256=4a7f6929691dbec8b5209a0b373bc2614882b55fc5d2e447a21aaa691303d62f
  rack (3.1.16) sha256=efb5606c351efc56b85b10c3493055d0d35209d23f44792ec4e1183eb0234635
  rack-attack (6.7.0) sha256=3ca47e8f66cd33b2c96af53ea4754525cd928ed3fa8da10ee6dad0277791d77c
  rack-protection (4.1.1) sha256=51a254a5d574a7f0ca4f0672025ce2a5ef7c8c3bd09c431349d683e825d7d16a
  rack-proxy (0.7.7) sha256=446a4b57001022145d5c3ba73b775f66a2260eaf7420c6907483141900395c8a
  rack-session (2.1.1) sha256=0b6dc07dea7e4b583f58a48e8b806d4c9f1c6c9214ebc202ec94562cbea2e4e9
  rack-test (2.2.0) sha256=005a36692c306ac0b4a9350355ee080fd09ddef1148a5f8b2ac636c720f5c463
  rackup (2.2.1) sha256=f737191fd5c5b348b7f0a4412a3b86383f88c43e13b8217b63d4c8d90b9e798d
  rails (8.0.2) sha256=fdfaa5a83ec0388e02864e88d515959caedc88053b5f701c4deb1652d8f164c6
  rails-dom-testing (2.3.0) sha256=8acc7953a7b911ca44588bf08737bc16719f431a1cc3091a292bca7317925c1d
  rails-html-sanitizer (1.6.2) sha256=35fce2ca8242da8775c83b6ba9c1bcaad6751d9eb73c1abaa8403475ab89a560
  railties (8.0.2) sha256=0d7c3f40c49ba74980f1bac1d4bb153a9331c5ee8a9631d89c7bf79db82e5cf9
  rainbow (3.1.1) sha256=039491aa3a89f42efa1d6dec2fc4e62ede96eb6acd95e52f1ad581182b79bc6a
  rake (13.3.0) sha256=96f5092d786ff412c62fde76f793cc0541bd84d2eb579caa529aa8a059934493
  rb-fsevent (0.11.2) sha256=43900b972e7301d6570f64b850a5aa67833ee7d87b458ee92805d56b7318aefe
  rb-inotify (0.11.1) sha256=a0a700441239b0ff18eb65e3866236cd78613d6b9f78fea1f9ac47a85e47be6e
  rb_sys (0.9.106) sha256=b64d5e4bb33aefa0acec5d829162f211a8f9e5bfe08780ed298c637c7229527c
  rbtree (0.4.6) sha256=14eea4469b24fd2472542e5f3eb105d6344c8ccf36f0b56d55fdcfeb4e0f10fc
  rdoc (6.14.2) sha256=9fdd44df130f856ae70cc9a264dfd659b9b40de369b16581f4ab746e42439226
  redis-client (0.25.0) sha256=927dfd07a37346fd9111d80cac3199d2a02b4c084c79260acf7a5057bd742910
  regexp_parser (2.10.0) sha256=cb6f0ddde88772cd64bff1dbbf68df66d376043fe2e66a9ef77fcb1b0c548c61
  reline (0.6.2) sha256=1dad26a6008872d59c8e05244b119347c9f2ddaf4a53dce97856cd5f30a02846
  representable (3.2.0) sha256=cc29bf7eebc31653586849371a43ffe36c60b54b0a6365b5f7d95ec34d1ebace
  request_store (1.7.0) sha256=e1b75d5346a315f452242a68c937ef8e48b215b9453a77a6c0acdca2934c88cb
  rest-client (2.1.0) sha256=35a6400bdb14fae28596618e312776c158f7ebbb0ccad752ff4fa142bf2747e3
  retriable (3.1.2) sha256=0a5a5d0ca4ba61a76fb31a17ab8f7f80281beb040c329d34dfc137a1398688e0
  rexml (3.4.1) sha256=c74527a9a0a04b4ec31dbe0dc4ed6004b960af943d8db42e539edde3a871abca
  rouge (4.5.2) sha256=034233fb8a69d0ad0e0476943184e04cb971b68e3c2239724e02f428878b68a3
  rspec-core (3.13.4) sha256=f9da156b7b775c82610a7b580624df51a55102f8c8e4a103b98f5d7a9fa23958
  rspec-expectations (3.13.5) sha256=33a4d3a1d95060aea4c94e9f237030a8f9eae5615e9bd85718fe3a09e4b58836
  rspec-mocks (3.13.5) sha256=e4338a6f285ada9fe56f5893f5457783af8194f5d08884d17a87321d5195ea81
  rspec-rails (8.0.1) sha256=0c3700b10ab6d7c648c4cd554023d8c2b5b07e7f01205f7608f0c511cf686505
  rspec-support (3.13.4) sha256=184b1814f6a968102b57df631892c7f1990a91c9a3b9e80ef892a0fc2a71a3f7
  rubocop (1.78.0) sha256=8b74a6f912eb4fd3e6878851f7f7f45dcad8c7185c34250d4f952b0ee80d6bc0
  rubocop-ast (1.45.1) sha256=94042e49adc17f187ba037b33f941ba7398fede77cdf4bffafba95190a473a3e
  rubocop-capybara (2.22.1) sha256=ced88caef23efea53f46e098ff352f8fc1068c649606ca75cb74650970f51c0c
  rubocop-govuk (5.1.17) sha256=b5559e97c96c945f7b6d03a25f882d41f6965278b8495d46239694cff20819fa
  rubocop-rails (2.32.0) sha256=9fcc623c8722fe71e835e99c4a18b740b5b0d3fb69915d7f0777f00794b30490
  rubocop-rake (0.7.1) sha256=3797f2b6810c3e9df7376c26d5f44f3475eda59eb1adc38e6f62ecf027cbae4d
  rubocop-rspec (3.6.0) sha256=c0e4205871776727e54dee9cc91af5fd74578001551ba40e1fe1a1ab4b404479
  ruby-openai (8.1.0) sha256=6f69e7f501b3b039fe21807286230dfd51a91143e160ffb45464af30a20a5e14
  ruby-progressbar (1.13.0) sha256=80fc9c47a9b640d6834e0dc7b3c94c9df37f08cb072b7761e4a71e22cff29b33
  rubyzip (2.4.1) sha256=8577c88edc1fde8935eb91064c5cb1aef9ad5494b940cf19c775ee833e075615
  sass-embedded (1.81.0-aarch64-linux-gnu) sha256=9087759cf2f16d0a9263eb97a812dce9882ce79353cfb416f5721835ba2d8706
  sass-embedded (1.81.0-arm-linux-gnueabihf) sha256=f5537ac4549a046d5c3387d8d216ab7bccf2c4c7e635299afb2d2100bdba973f
  sass-embedded (1.81.0-arm64-darwin) sha256=85a852fb2fc1cc644ff193b25b96e2fec1196b9c9a687344d1927e3f39135ec7
  sass-embedded (1.81.0-x86-linux-gnu) sha256=ad1a9f173da47218402391a9d7110927dd5eb2ea9cd63d2cf170deb6b726cab6
  sass-embedded (1.81.0-x86_64-darwin) sha256=fb5f26a6a9a43cfddda74510ce5dbc75c4e8e5b77e51346540d6750792bfa05c
  sass-embedded (1.81.0-x86_64-linux-gnu) sha256=5e2c5ed82496eb4e217bf171300e8b66cb5a06394eeb1009bfa99ec271099ecf
  securerandom (0.4.1) sha256=cc5193d414a4341b6e225f0cb4446aceca8e50d5e1888743fac16987638ea0b1
  selenium-webdriver (4.32.0) sha256=20dbdf27b586beeac9e2791a22312b414d0a30192b6ce144779f7dfde8ae8afe
  sentry-rails (5.26.0) sha256=ae4d196dec9f722a40840c98dc8daec33ab4c98bc6c8e5f1a37a58df6449618c
  sentry-ruby (5.26.0) sha256=37b82d4849683f7172cbdb0867ee6697e0d8ad8fe9c242b5df0edf690894554b
  sentry-sidekiq (5.26.0) sha256=4cb0551e8964703dd97e39659a75251efcb5272a86423ff5bc2d9d3d9db38335
  set (1.1.1) sha256=6c7ac6c06d5907216395a4d5dae3ffe52ca5ee8a372befe6d4dea794383f98f0
  sidekiq (7.3.9) sha256=1108712e1def89002b28e3545d5ae15d4a57ffd4d2c25d97bb1360988826b5a7
  signet (0.19.0) sha256=537f3939f57f141f691e6069a97ec40f34fadafc4c7e5ba94edb06cf4350dd31
  simplecov (0.22.0) sha256=fe2622c7834ff23b98066bb0a854284b2729a569ac659f82621fc22ef36213a5
  simplecov-html (0.13.1) sha256=5dab0b7ee612e60e9887ad57693832fdf4695b4c0c859eaea5f95c18791ef10b
  simplecov_json_formatter (0.1.4) sha256=529418fbe8de1713ac2b2d612aa3daa56d316975d307244399fa4838c601b428
  smart_properties (1.17.0) sha256=f9323f8122e932341756ddec8e0ac9ec6e238408a7661508be99439ca6d6384b
  snaky_hash (2.0.1) sha256=1ac87ec157fcfe7a460e821e0cd48ae1e6f5e3e082ab520f03f31a9259dbdc31
  sorted_set (1.0.3) sha256=4f2b8bee6e8c59cbd296228c0f1f81679357177a8b6859dcc2a99e86cce6372f
  sprockets (4.2.2) sha256=761e5a49f1c288704763f73139763564c845a8f856d52fba013458f8af1b59b1
  sprockets-rails (3.5.2) sha256=a9e88e6ce9f8c912d349aa5401509165ec42326baf9e942a85de4b76dbc4119e
  statsd-ruby (1.5.0) sha256=369ddf09537408e273849e09b84d4edbdac24ac461f5c9b6cacb0e4398190109
  stringio (3.1.7) sha256=5b78b7cb242a315fb4fca61a8255d62ec438f58da2b90be66048546ade4507fa
  terser (1.2.6) sha256=6ddf00b93df7015b07e2b9b149e74cd70fa7aa4f0f89a15d9922a6ebd13f37ab
  thor (1.4.0) sha256=8763e822ccb0f1d7bee88cde131b19a65606657b847cc7b7b4b82e772bcd8a3d
  tiktoken_ruby (0.0.11.1) sha256=adffa735711bf1b19554423c82ba2e2be4a77d7776186cbaf19f837680f8cb8b
  tiktoken_ruby (0.0.11.1-aarch64-linux) sha256=1ffcfcf1a7ac561e2e08996a60b3ee4213923b02184d29da2eb76c3be0c54001
  tiktoken_ruby (0.0.11.1-arm-linux) sha256=2f1b79eadf62c2ea2691821f1d1c008b402e0e48d9baef2fc52d648b0744b7a5
  tiktoken_ruby (0.0.11.1-arm64-darwin) sha256=9b0f2a863bf6dbad2c78f95d8566e39fbb2293be552a7cc16a93e638a0b823e1
  tiktoken_ruby (0.0.11.1-x86_64-darwin) sha256=554c84d14e66a7cef277b00ec26ce6c201d6b94d223f8d71397b1287cda11d78
  tiktoken_ruby (0.0.11.1-x86_64-linux) sha256=ab56c936876c2ccba41fd8dc6588097e6555345ad0bdf5f4204be771a3637618
  timeout (0.4.3) sha256=9509f079b2b55fe4236d79633bd75e34c1c1e7e3fb4b56cb5fda61f80a0fe30e
  trailblazer-option (0.1.2) sha256=20e4f12ea4e1f718c8007e7944ca21a329eee4eed9e0fa5dde6e8ad8ac4344a3
  typhoeus (1.4.1) sha256=1c17db8364bd45ab302dc61e460173c3e69835896be88a3df07c206d5c55ef7c
  tzinfo (2.0.6) sha256=8daf828cc77bcf7d63b0e3bdb6caa47e2272dcfaf4fbfe46f8c3a9df087a829b
  uber (0.1.0) sha256=5beeb407ff807b5db994f82fa9ee07cfceaa561dad8af20be880bc67eba935dc
  unicode-display_width (3.1.4) sha256=8caf2af1c0f2f07ec89ef9e18c7d88c2790e217c482bfc78aaa65eadd5415ac1
  unicode-emoji (4.0.4) sha256=2c2c4ef7f353e5809497126285a50b23056cc6e61b64433764a35eff6c36532a
  uri (1.0.3) sha256=e9f2244608eea2f7bc357d954c65c910ce0399ca5e18a7a29207ac22d8767011
  useragent (0.16.11) sha256=700e6413ad4bb954bb63547fa098dddf7b0ebe75b40cc6f93b8d54255b173844
  version_gem (1.1.6) sha256=b989cf19880ee18907083ba9bb6fdbe40826bd698fbd7cdfab7345a2550bf203
  warden (1.2.9) sha256=46684f885d35a69dbb883deabf85a222c8e427a957804719e143005df7a1efd0
  warden-oauth2 (0.0.1) sha256=9f8dfd89d23ef8936734ca897acd7dde86802c8139d6299774d6e6bf292921fd
  webmock (3.25.1) sha256=ab9d5d9353bcbe6322c83e1c60a7103988efc7b67cd72ffb9012629c3d396323
  webrick (1.9.1) sha256=b42d3c94f166f3fb73d87e9b359def9b5836c426fc8beacf38f2184a21b2a989
  websocket (1.2.11) sha256=b7e7a74e2410b5e85c25858b26b3322f29161e300935f70a0e0d3c35e0462737
  websocket-driver (0.8.0) sha256=ed0dba4b943c22f17f9a734817e808bc84cdce6a7e22045f5315aa57676d4962
  websocket-extensions (0.1.5) sha256=1c6ba63092cda343eb53fc657110c71c754c56484aad42578495227d717a8241
  xpath (3.2.0) sha256=6dfda79d91bb3b949b947ecc5919f042ef2f399b904013eb3ef6d20dd3a4082e
  zeitwerk (2.7.3) sha256=b2e86b4a9b57d26ba68a15230dcc7fe6f040f06831ce64417b0621ad96ba3e85

RUBY VERSION
   ruby 3.4.3p32

BUNDLED WITH
   2.6.8
