GIT
  remote: https://github.com/alphagov/govuk_chat_private.git
  revision: 56e7cb4408e137af64ce7c0d36628512c6209eb6
  specs:
    govuk_chat_private (0.0.1)
      activesupport (>= 8)
      listen (~> 3.9)
      railties (>= 8)

GEM
  remote: https://rubygems.org/
  specs:
    actioncable (8.0.2)
      actionpack (= 8.0.2)
      activesupport (= 8.0.2)
      nio4r (~> 2.0)
      websocket-driver (>= 0.6.1)
      zeitwerk (~> 2.6)
    actionmailbox (8.0.2)
      actionpack (= 8.0.2)
      activejob (= 8.0.2)
      activerecord (= 8.0.2)
      activestorage (= 8.0.2)
      activesupport (= 8.0.2)
      mail (>= 2.8.0)
    actionmailer (8.0.2)
      actionpack (= 8.0.2)
      actionview (= 8.0.2)
      activejob (= 8.0.2)
      activesupport (= 8.0.2)
      mail (>= 2.8.0)
      rails-dom-testing (~> 2.2)
    actionpack (8.0.2)
      actionview (= 8.0.2)
      activesupport (= 8.0.2)
      nokogiri (>= 1.8.5)
      rack (>= 2.2.4)
      rack-session (>= 1.0.1)
      rack-test (>= 0.6.3)
      rails-dom-testing (~> 2.2)
      rails-html-sanitizer (~> 1.6)
      useragent (~> 0.16)
    actiontext (8.0.2)
      actionpack (= 8.0.2)
      activerecord (= 8.0.2)
      activestorage (= 8.0.2)
      activesupport (= 8.0.2)
      globalid (>= 0.6.0)
      nokogiri (>= 1.8.5)
    actionview (8.0.2)
      activesupport (= 8.0.2)
      builder (~> 3.1)
      erubi (~> 1.11)
      rails-dom-testing (~> 2.2)
      rails-html-sanitizer (~> 1.6)
    activejob (8.0.2)
      activesupport (= 8.0.2)
      globalid (>= 0.3.6)
    activemodel (8.0.2)
      activesupport (= 8.0.2)
    activerecord (8.0.2)
      activemodel (= 8.0.2)
      activesupport (= 8.0.2)
      timeout (>= 0.4.0)
    activestorage (8.0.2)
      actionpack (= 8.0.2)
      activejob (= 8.0.2)
      activerecord (= 8.0.2)
      activesupport (= 8.0.2)
      marcel (~> 1.0)
    activesupport (8.0.2)
      base64
      benchmark (>= 0.3)
      bigdecimal
      concurrent-ruby (~> 1.0, >= 1.3.1)
      connection_pool (>= 2.2.5)
      drb
      i18n (>= 1.6, < 2)
      logger (>= 1.4.2)
      minitest (>= 5.1)
      securerandom (>= 0.3)
      tzinfo (~> 2.0, >= 2.0.5)
      uri (>= 0.13.1)
    addressable (2.8.7)
      public_suffix (>= 2.0.2, < 7.0)
    amq-protocol (2.3.3)
    ast (2.4.3)
    aws-eventstream (1.3.2)
    aws-partitions (1.1082.0)
    aws-sdk-bedrockruntime (1.43.0)
      aws-sdk-core (~> 3, >= 3.216.0)
      aws-sigv4 (~> 1.5)
    aws-sdk-core (3.222.1)
      aws-eventstream (~> 1, >= 1.3.0)
      aws-partitions (~> 1, >= 1.992.0)
      aws-sigv4 (~> 1.9)
      base64
      jmespath (~> 1, >= 1.6.1)
      logger
    aws-sigv4 (1.11.0)
      aws-eventstream (~> 1, >= 1.0.2)
    base64 (0.2.0)
    bcrypt (3.1.20)
    benchmark (0.4.0)
    better_html (2.1.1)
      actionview (>= 6.0)
      activesupport (>= 6.0)
      ast (~> 2.0)
      erubi (~> 1.4)
      parser (>= 2.4)
      smart_properties
    bigdecimal (3.1.9)
    bootsnap (1.18.4)
      msgpack (~> 1.2)
    brakeman (7.0.2)
      racc
    builder (3.3.0)
    bunny (2.24.0)
      amq-protocol (~> 2.3)
      sorted_set (~> 1, >= 1.0.2)
    byebug (12.0.0)
    capybara (3.40.0)
      addressable
      matrix
      mini_mime (>= 0.1.3)
      nokogiri (~> 1.11)
      rack (>= 1.6.0)
      rack-test (>= 0.6.3)
      regexp_parser (>= 1.5, < 3.0)
      xpath (~> 3.2)
    chartkick (5.1.4)
    climate_control (1.2.0)
    coderay (1.1.3)
    concurrent-ruby (1.3.5)
    connection_pool (2.5.0)
    crack (1.0.0)
      bigdecimal
      rexml
    crass (1.0.6)
    csv (3.3.3)
    dalli (3.2.8)
    dartsass-rails (0.5.1)
      railties (>= 6.0.0)
      sass-embedded (~> 1.63)
    date (3.4.1)
    declarative (0.0.20)
    diff-lcs (1.5.1)
    docile (1.4.1)
    domain_name (0.6.20240107)
    dotenv (3.1.7)
    drb (2.2.1)
    erb_lint (0.9.0)
      activesupport
      better_html (>= 2.0.1)
      parser (>= 2.7.1.4)
      rainbow
      rubocop (>= 1)
      smart_properties
    erubi (1.13.1)
    ethon (0.16.0)
      ffi (>= 1.15.0)
    event_stream_parser (1.0.0)
    execjs (2.10.0)
    factory_bot (6.5.0)
      activesupport (>= 5.0.0)
    factory_bot_rails (6.4.4)
      factory_bot (~> 6.5)
      railties (>= 5.0.0)
    faker (3.5.1)
      i18n (>= 1.8.11, < 2)
    faraday (2.12.2)
      faraday-net_http (>= 2.0, < 3.5)
      json
      logger
    faraday-multipart (1.1.0)
      multipart-post (~> 2.0)
    faraday-net_http (3.4.0)
      net-http (>= 0.5.0)
    faraday-typhoeus (1.1.0)
      faraday (~> 2.0)
      typhoeus (~> 1.4)
    ffi (1.17.0)
    gds-api-adapters (99.0.0)
      addressable
      link_header
      null_logger
      plek (>= 1.9.0)
      rack (>= 2.2.0)
      rest-client (~> 2.0)
    gds-sso (20.0.0)
      oauth2 (~> 2.0)
      omniauth (~> 2.1)
      omniauth-oauth2 (~> 1.8)
      plek (>= 5)
      rails (>= 7)
      warden (~> 1.2)
      warden-oauth2 (~> 0.0.1)
    globalid (1.2.1)
      activesupport (>= 6.1)
    google-apis-bigquery_v2 (0.84.0)
      google-apis-core (>= 0.15.0, < 2.a)
    google-apis-core (0.16.0)
      addressable (~> 2.5, >= 2.5.1)
      googleauth (~> 1.9)
      httpclient (>= 2.8.3, < 3.a)
      mini_mime (~> 1.0)
      mutex_m
      representable (~> 3.0)
      retriable (>= 2.0, < 4.a)
    google-cloud-bigquery (1.52.0)
      bigdecimal (~> 3.0)
      concurrent-ruby (~> 1.0)
      google-apis-bigquery_v2 (~> 0.71)
      google-apis-core (~> 0.13)
      google-cloud-core (~> 1.6)
      googleauth (~> 1.9)
      mini_mime (~> 1.0)
    google-cloud-core (1.8.0)
      google-cloud-env (>= 1.0, < 3.a)
      google-cloud-errors (~> 1.0)
    google-cloud-env (2.2.1)
      faraday (>= 1.0, < 3.a)
    google-cloud-errors (1.5.0)
    google-logging-utils (0.1.0)
    google-protobuf (4.30.2)
      bigdecimal
      rake (>= 13)
    google-protobuf (4.30.2-aarch64-linux)
      bigdecimal
      rake (>= 13)
    google-protobuf (4.30.2-arm64-darwin)
      bigdecimal
      rake (>= 13)
    google-protobuf (4.30.2-x86-linux)
      bigdecimal
      rake (>= 13)
    google-protobuf (4.30.2-x86_64-darwin)
      bigdecimal
      rake (>= 13)
    google-protobuf (4.30.2-x86_64-linux)
      bigdecimal
      rake (>= 13)
    googleapis-common-protos-types (1.19.0)
      google-protobuf (>= 3.18, < 5.a)
    googleauth (1.13.1)
      faraday (>= 1.0, < 3.a)
      google-cloud-env (~> 2.2)
      google-logging-utils (~> 0.1)
      jwt (>= 1.4, < 3.0)
      multi_json (~> 1.11)
      os (>= 0.9, < 2.0)
      signet (>= 0.16, < 2.a)
    govuk_app_config (9.16.9)
      logstasher (~> 2.1)
      opentelemetry-exporter-otlp (>= 0.25, < 0.31)
      opentelemetry-instrumentation-all (>= 0.39.1, < 0.75.0)
      opentelemetry-sdk (~> 1.2)
      plek (>= 4, < 6)
      prometheus_exporter (~> 2.0)
      puma (>= 5.6, < 7.0)
      rack-proxy (~> 0.7)
      sentry-rails (~> 5.3)
      sentry-ruby (~> 5.3)
      statsd-ruby (~> 1.5)
    govuk_message_queue_consumer (6.0.0)
      bunny (~> 2.17)
      ostruct
    govuk_personalisation (1.1.0)
      plek (>= 1.9.0)
      rails (>= 6, < 9)
    govuk_publishing_components (56.2.0)
      govuk_app_config
      govuk_personalisation (>= 0.7.0)
      kramdown
      ostruct
      plek
      rails (>= 6)
      rouge
      sprockets (>= 3)
      sprockets-rails
    govuk_schemas (6.0.0)
      faker (>= 3.4.1, < 3.6.0)
      json-schema (>= 2.8, < 5.2)
    govuk_sidekiq (10.0.0)
      gds-api-adapters (>= 19.1.0)
      govuk_app_config (>= 1.1)
      redis-client (>= 0.22.2)
      sidekiq (~> 7.0, < 8)
    govuk_test (4.1.1)
      brakeman (>= 5.0.2)
      capybara (>= 3.36)
      puma
      selenium-webdriver (>= 4.0)
    groupdate (6.5.1)
      activesupport (>= 7)
    hashdiff (1.1.2)
    hashie (5.0.0)
    http-accept (1.7.0)
    http-cookie (1.0.8)
      domain_name (~> 0.5)
    httpclient (2.9.0)
      mutex_m
    i18n (1.14.7)
      concurrent-ruby (~> 1.0)
    inline_svg (1.10.0)
      activesupport (>= 3.0)
      nokogiri (>= 1.6)
    io-console (0.8.0)
    irb (1.15.2)
      pp (>= 0.6.0)
      rdoc (>= 4.0.0)
      reline (>= 0.4.2)
    jmespath (1.6.2)
    json (2.10.2)
    json-schema (5.1.1)
      addressable (~> 2.8)
      bigdecimal (~> 3.1)
    jwt (2.10.1)
      base64
    kaminari (1.2.2)
      activesupport (>= 4.1.0)
      kaminari-actionview (= 1.2.2)
      kaminari-activerecord (= 1.2.2)
      kaminari-core (= 1.2.2)
    kaminari-actionview (1.2.2)
      actionview
      kaminari-core (= 1.2.2)
    kaminari-activerecord (1.2.2)
      activerecord
      kaminari-core (= 1.2.2)
    kaminari-core (1.2.2)
    kramdown (2.5.1)
      rexml (>= 3.3.9)
    language_server-protocol (3.17.0.4)
    link_header (0.0.8)
    lint_roller (1.1.0)
    listen (3.9.0)
      rb-fsevent (~> 0.10, >= 0.10.3)
      rb-inotify (~> 0.9, >= 0.9.10)
    logger (1.7.0)
    logstasher (2.1.5)
      activesupport (>= 5.2)
      request_store
    loofah (2.24.0)
      crass (~> 1.0.2)
      nokogiri (>= 1.12.0)
    mail (2.8.1)
      mini_mime (>= 0.1.1)
      net-imap
      net-pop
      net-smtp
    mail-notify (2.1.0)
      actionmailer (>= 5.2.8.1)
      actionpack (>= 5.2.8.1)
      actionview (>= 5.2.8.1)
      activesupport (>= 5.2.8.1)
      notifications-ruby-client (~> 6.0)
      rack (>= 2.1.4.1)
    marcel (1.0.4)
    matrix (0.4.2)
    method_source (1.1.0)
    mime-types (3.6.2)
      logger
      mime-types-data (~> 3.2015)
    mime-types-data (3.2025.0325)
    mini_mime (1.1.5)
    mini_portile2 (2.8.8)
    minitest (5.25.5)
    msgpack (1.7.5)
    multi_json (1.15.0)
    multi_xml (0.7.1)
      bigdecimal (~> 3.1)
    multipart-post (2.4.1)
    mutex_m (0.3.0)
    net-http (0.6.0)
      uri
    net-imap (0.5.6)
      date
      net-protocol
    net-pop (0.1.2)
      net-protocol
    net-protocol (0.2.2)
      timeout
    net-smtp (0.5.1)
      net-protocol
    netrc (0.11.0)
    nio4r (2.7.4)
    nokogiri (1.18.7)
      mini_portile2 (~> 2.8.2)
      racc (~> 1.4)
    nokogiri (1.18.7-aarch64-linux-gnu)
      racc (~> 1.4)
    nokogiri (1.18.7-arm-linux-gnu)
      racc (~> 1.4)
    nokogiri (1.18.7-arm64-darwin)
      racc (~> 1.4)
    nokogiri (1.18.7-x86_64-darwin)
      racc (~> 1.4)
    nokogiri (1.18.7-x86_64-linux-gnu)
      racc (~> 1.4)
    notifications-ruby-client (6.2.0)
      jwt (>= 1.5, < 3)
    null_logger (0.0.1)
    oauth2 (2.0.9)
      faraday (>= 0.17.3, < 3.0)
      jwt (>= 1.0, < 3.0)
      multi_xml (~> 0.5)
      rack (>= 1.2, < 4)
      snaky_hash (~> 2.0)
      version_gem (~> 1.1)
    omniauth (2.1.3)
      hashie (>= 3.4.6)
      rack (>= 2.2.3)
      rack-protection
    omniauth-oauth2 (1.8.0)
      oauth2 (>= 1.4, < 3)
      omniauth (~> 2.0)
    opensearch-ruby (3.4.0)
      faraday (>= 1.0, < 3)
      multi_json (>= 1.0)
    opentelemetry-api (1.5.0)
    opentelemetry-common (0.22.0)
      opentelemetry-api (~> 1.0)
    opentelemetry-exporter-otlp (0.30.0)
      google-protobuf (>= 3.18)
      googleapis-common-protos-types (~> 1.3)
      opentelemetry-api (~> 1.1)
      opentelemetry-common (~> 0.20)
      opentelemetry-sdk (~> 1.2)
      opentelemetry-semantic_conventions
    opentelemetry-helpers-mysql (0.2.0)
      opentelemetry-api (~> 1.0)
      opentelemetry-common (~> 0.21)
    opentelemetry-helpers-sql-obfuscation (0.3.0)
      opentelemetry-common (~> 0.21)
    opentelemetry-instrumentation-action_mailer (0.4.0)
      opentelemetry-api (~> 1.0)
      opentelemetry-instrumentation-active_support (~> 0.7)
      opentelemetry-instrumentation-base (~> 0.23.0)
    opentelemetry-instrumentation-action_pack (0.12.0)
      opentelemetry-api (~> 1.0)
      opentelemetry-instrumentation-base (~> 0.23.0)
      opentelemetry-instrumentation-rack (~> 0.21)
    opentelemetry-instrumentation-action_view (0.9.0)
      opentelemetry-api (~> 1.0)
      opentelemetry-instrumentation-active_support (~> 0.7)
      opentelemetry-instrumentation-base (~> 0.23.0)
    opentelemetry-instrumentation-active_job (0.8.0)
      opentelemetry-api (~> 1.0)
      opentelemetry-instrumentation-base (~> 0.23.0)
    opentelemetry-instrumentation-active_model_serializers (0.22.0)
      opentelemetry-api (~> 1.0)
      opentelemetry-instrumentation-active_support (>= 0.7.0)
      opentelemetry-instrumentation-base (~> 0.23.0)
    opentelemetry-instrumentation-active_record (0.9.0)
      opentelemetry-api (~> 1.0)
      opentelemetry-instrumentation-base (~> 0.23.0)
    opentelemetry-instrumentation-active_storage (0.1.1)
      opentelemetry-api (~> 1.0)
      opentelemetry-instrumentation-active_support (~> 0.7)
      opentelemetry-instrumentation-base (~> 0.23.0)
    opentelemetry-instrumentation-active_support (0.8.0)
      opentelemetry-api (~> 1.0)
      opentelemetry-instrumentation-base (~> 0.23.0)
    opentelemetry-instrumentation-all (0.74.0)
      opentelemetry-instrumentation-active_model_serializers (~> 0.22.0)
      opentelemetry-instrumentation-aws_lambda (~> 0.3.0)
      opentelemetry-instrumentation-aws_sdk (~> 0.8.0)
      opentelemetry-instrumentation-bunny (~> 0.22.0)
      opentelemetry-instrumentation-concurrent_ruby (~> 0.22.0)
      opentelemetry-instrumentation-dalli (~> 0.26.0)
      opentelemetry-instrumentation-delayed_job (~> 0.23.0)
      opentelemetry-instrumentation-ethon (~> 0.22.0)
      opentelemetry-instrumentation-excon (~> 0.23.0)
      opentelemetry-instrumentation-faraday (~> 0.26.0)
      opentelemetry-instrumentation-grape (~> 0.3.0)
      opentelemetry-instrumentation-graphql (~> 0.29.0)
      opentelemetry-instrumentation-gruf (~> 0.3.0)
      opentelemetry-instrumentation-http (~> 0.24.0)
      opentelemetry-instrumentation-http_client (~> 0.23.0)
      opentelemetry-instrumentation-koala (~> 0.21.0)
      opentelemetry-instrumentation-lmdb (~> 0.23.0)
      opentelemetry-instrumentation-mongo (~> 0.23.0)
      opentelemetry-instrumentation-mysql2 (~> 0.29.0)
      opentelemetry-instrumentation-net_http (~> 0.23.0)
      opentelemetry-instrumentation-pg (~> 0.30.0)
      opentelemetry-instrumentation-que (~> 0.9.0)
      opentelemetry-instrumentation-racecar (~> 0.4.0)
      opentelemetry-instrumentation-rack (~> 0.26.0)
      opentelemetry-instrumentation-rails (~> 0.36.0)
      opentelemetry-instrumentation-rake (~> 0.3.0)
      opentelemetry-instrumentation-rdkafka (~> 0.6.0)
      opentelemetry-instrumentation-redis (~> 0.26.1)
      opentelemetry-instrumentation-resque (~> 0.6.0)
      opentelemetry-instrumentation-restclient (~> 0.23.0)
      opentelemetry-instrumentation-ruby_kafka (~> 0.22.0)
      opentelemetry-instrumentation-sidekiq (~> 0.26.0)
      opentelemetry-instrumentation-sinatra (~> 0.25.0)
      opentelemetry-instrumentation-trilogy (~> 0.61.0)
    opentelemetry-instrumentation-aws_lambda (0.3.0)
      opentelemetry-api (~> 1.0)
      opentelemetry-instrumentation-base (~> 0.23.0)
    opentelemetry-instrumentation-aws_sdk (0.8.0)
      opentelemetry-api (~> 1.0)
      opentelemetry-instrumentation-base (~> 0.23.0)
    opentelemetry-instrumentation-base (0.23.0)
      opentelemetry-api (~> 1.0)
      opentelemetry-common (~> 0.21)
      opentelemetry-registry (~> 0.1)
    opentelemetry-instrumentation-bunny (0.22.0)
      opentelemetry-api (~> 1.0)
      opentelemetry-instrumentation-base (~> 0.23.0)
    opentelemetry-instrumentation-concurrent_ruby (0.22.0)
      opentelemetry-api (~> 1.0)
      opentelemetry-instrumentation-base (~> 0.23.0)
    opentelemetry-instrumentation-dalli (0.26.0)
      opentelemetry-api (~> 1.0)
      opentelemetry-instrumentation-base (~> 0.23.0)
    opentelemetry-instrumentation-delayed_job (0.23.0)
      opentelemetry-api (~> 1.0)
      opentelemetry-instrumentation-base (~> 0.23.0)
    opentelemetry-instrumentation-ethon (0.22.0)
      opentelemetry-api (~> 1.0)
      opentelemetry-instrumentation-base (~> 0.23.0)
    opentelemetry-instrumentation-excon (0.23.0)
      opentelemetry-api (~> 1.0)
      opentelemetry-instrumentation-base (~> 0.23.0)
    opentelemetry-instrumentation-faraday (0.26.0)
      opentelemetry-api (~> 1.0)
      opentelemetry-instrumentation-base (~> 0.23.0)
    opentelemetry-instrumentation-grape (0.3.0)
      opentelemetry-api (~> 1.0)
      opentelemetry-instrumentation-base (~> 0.23.0)
      opentelemetry-instrumentation-rack (~> 0.21)
    opentelemetry-instrumentation-graphql (0.29.0)
      opentelemetry-api (~> 1.0)
      opentelemetry-instrumentation-base (~> 0.23.0)
    opentelemetry-instrumentation-gruf (0.3.0)
      opentelemetry-api (>= 1.0.0)
      opentelemetry-instrumentation-base (~> 0.23.0)
    opentelemetry-instrumentation-http (0.24.0)
      opentelemetry-api (~> 1.0)
      opentelemetry-instrumentation-base (~> 0.23.0)
    opentelemetry-instrumentation-http_client (0.23.0)
      opentelemetry-api (~> 1.0)
      opentelemetry-instrumentation-base (~> 0.23.0)
    opentelemetry-instrumentation-koala (0.21.0)
      opentelemetry-api (~> 1.0)
      opentelemetry-instrumentation-base (~> 0.23.0)
    opentelemetry-instrumentation-lmdb (0.23.0)
      opentelemetry-api (~> 1.0)
      opentelemetry-instrumentation-base (~> 0.23.0)
    opentelemetry-instrumentation-mongo (0.23.0)
      opentelemetry-api (~> 1.0)
      opentelemetry-instrumentation-base (~> 0.23.0)
    opentelemetry-instrumentation-mysql2 (0.29.0)
      opentelemetry-api (~> 1.0)
      opentelemetry-helpers-mysql
      opentelemetry-helpers-sql-obfuscation
      opentelemetry-instrumentation-base (~> 0.23.0)
    opentelemetry-instrumentation-net_http (0.23.0)
      opentelemetry-api (~> 1.0)
      opentelemetry-instrumentation-base (~> 0.23.0)
    opentelemetry-instrumentation-pg (0.30.0)
      opentelemetry-api (~> 1.0)
      opentelemetry-helpers-sql-obfuscation
      opentelemetry-instrumentation-base (~> 0.23.0)
    opentelemetry-instrumentation-que (0.9.0)
      opentelemetry-api (~> 1.0)
      opentelemetry-instrumentation-base (~> 0.23.0)
    opentelemetry-instrumentation-racecar (0.4.0)
      opentelemetry-api (~> 1.0)
      opentelemetry-instrumentation-base (~> 0.23.0)
    opentelemetry-instrumentation-rack (0.26.0)
      opentelemetry-api (~> 1.0)
      opentelemetry-instrumentation-base (~> 0.23.0)
    opentelemetry-instrumentation-rails (0.36.0)
      opentelemetry-api (~> 1.0)
      opentelemetry-instrumentation-action_mailer (~> 0.4.0)
      opentelemetry-instrumentation-action_pack (~> 0.12.0)
      opentelemetry-instrumentation-action_view (~> 0.9.0)
      opentelemetry-instrumentation-active_job (~> 0.8.0)
      opentelemetry-instrumentation-active_record (~> 0.9.0)
      opentelemetry-instrumentation-active_storage (~> 0.1.0)
      opentelemetry-instrumentation-active_support (~> 0.8.0)
      opentelemetry-instrumentation-base (~> 0.23.0)
      opentelemetry-instrumentation-concurrent_ruby (~> 0.22.0)
    opentelemetry-instrumentation-rake (0.3.0)
      opentelemetry-api (~> 1.0)
      opentelemetry-instrumentation-base (~> 0.23.0)
    opentelemetry-instrumentation-rdkafka (0.6.0)
      opentelemetry-api (~> 1.0)
      opentelemetry-instrumentation-base (~> 0.23.0)
    opentelemetry-instrumentation-redis (0.26.1)
      opentelemetry-api (~> 1.0)
      opentelemetry-instrumentation-base (~> 0.23.0)
    opentelemetry-instrumentation-resque (0.6.0)
      opentelemetry-api (~> 1.0)
      opentelemetry-instrumentation-base (~> 0.23.0)
    opentelemetry-instrumentation-restclient (0.23.0)
      opentelemetry-api (~> 1.0)
      opentelemetry-instrumentation-base (~> 0.23.0)
    opentelemetry-instrumentation-ruby_kafka (0.22.0)
      opentelemetry-api (~> 1.0)
      opentelemetry-instrumentation-base (~> 0.23.0)
    opentelemetry-instrumentation-sidekiq (0.26.1)
      opentelemetry-api (~> 1.0)
      opentelemetry-instrumentation-base (~> 0.23.0)
    opentelemetry-instrumentation-sinatra (0.25.0)
      opentelemetry-api (~> 1.0)
      opentelemetry-instrumentation-base (~> 0.23.0)
      opentelemetry-instrumentation-rack (~> 0.21)
    opentelemetry-instrumentation-trilogy (0.61.0)
      opentelemetry-api (~> 1.0)
      opentelemetry-helpers-mysql
      opentelemetry-helpers-sql-obfuscation
      opentelemetry-instrumentation-base (~> 0.23.0)
      opentelemetry-semantic_conventions (>= 1.8.0)
    opentelemetry-registry (0.4.0)
      opentelemetry-api (~> 1.1)
    opentelemetry-sdk (1.8.0)
      opentelemetry-api (~> 1.1)
      opentelemetry-common (~> 0.20)
      opentelemetry-registry (~> 0.2)
      opentelemetry-semantic_conventions
    opentelemetry-semantic_conventions (1.11.0)
      opentelemetry-api (~> 1.0)
    os (1.1.4)
    ostruct (0.6.1)
    parallel (1.26.3)
    parser (3.3.7.4)
      ast (~> 2.4.1)
      racc
    passwordless (1.8.1)
      bcrypt (>= 3.1.11)
      rails (>= 5.1.4)
    pg (1.5.9)
    plek (5.2.1)
    pp (0.6.2)
      prettyprint
    prettyprint (0.2.0)
    prism (1.4.0)
    prometheus_exporter (2.2.0)
      webrick
    pry (0.15.2)
      coderay (~> 1.1)
      method_source (~> 1.0)
    pry-byebug (3.11.0)
      byebug (~> 12.0)
      pry (>= 0.13, < 0.16)
    pry-rails (0.3.11)
      pry (>= 0.13.0)
    psych (5.2.3)
      date
      stringio
    public_suffix (6.0.1)
    puma (6.6.0)
      nio4r (~> 2.0)
    racc (1.8.1)
    rack (3.1.12)
    rack-attack (6.7.0)
      rack (>= 1.0, < 4)
    rack-protection (4.1.1)
      base64 (>= 0.1.0)
      logger (>= 1.6.0)
      rack (>= 3.0.0, < 4)
    rack-proxy (0.7.7)
      rack
    rack-session (2.1.0)
      base64 (>= 0.1.0)
      rack (>= 3.0.0)
    rack-test (2.2.0)
      rack (>= 1.3)
    rackup (2.2.1)
      rack (>= 3)
    rails (8.0.2)
      actioncable (= 8.0.2)
      actionmailbox (= 8.0.2)
      actionmailer (= 8.0.2)
      actionpack (= 8.0.2)
      actiontext (= 8.0.2)
      actionview (= 8.0.2)
      activejob (= 8.0.2)
      activemodel (= 8.0.2)
      activerecord (= 8.0.2)
      activestorage (= 8.0.2)
      activesupport (= 8.0.2)
      bundler (>= 1.15.0)
      railties (= 8.0.2)
    rails-dom-testing (2.2.0)
      activesupport (>= 5.0.0)
      minitest
      nokogiri (>= 1.6)
    rails-html-sanitizer (1.6.2)
      loofah (~> 2.21)
      nokogiri (>= 1.15.7, != 1.16.7, != 1.16.6, != 1.16.5, != 1.16.4, != 1.16.3, != 1.16.2, != 1.16.1, != 1.16.0.rc1, != 1.16.0)
    railties (8.0.2)
      actionpack (= 8.0.2)
      activesupport (= 8.0.2)
      irb (~> 1.13)
      rackup (>= 1.0.0)
      rake (>= 12.2)
      thor (~> 1.0, >= 1.2.2)
      zeitwerk (~> 2.6)
    rainbow (3.1.1)
    rake (13.2.1)
    rb-fsevent (0.11.2)
    rb-inotify (0.11.1)
      ffi (~> 1.0)
    rb_sys (0.9.106)
    rbtree (0.4.6)
    rdoc (6.13.1)
      psych (>= 4.0.0)
    redis-client (0.24.0)
      connection_pool
    regexp_parser (2.10.0)
    reline (0.6.1)
      io-console (~> 0.5)
    representable (3.2.0)
      declarative (< 0.1.0)
      trailblazer-option (>= 0.1.1, < 0.2.0)
      uber (< 0.2.0)
    request_store (1.7.0)
      rack (>= 1.4)
    rest-client (2.1.0)
      http-accept (>= 1.7.0, < 2.0)
      http-cookie (>= 1.0.2, < 2.0)
      mime-types (>= 1.16, < 4.0)
      netrc (~> 0.8)
    retriable (3.1.2)
    rexml (3.4.1)
    rouge (4.5.1)
    rspec-core (3.13.3)
      rspec-support (~> 3.13.0)
    rspec-expectations (3.13.3)
      diff-lcs (>= 1.2.0, < 2.0)
      rspec-support (~> 3.13.0)
    rspec-mocks (3.13.2)
      diff-lcs (>= 1.2.0, < 2.0)
      rspec-support (~> 3.13.0)
    rspec-rails (7.1.1)
      actionpack (>= 7.0)
      activesupport (>= 7.0)
      railties (>= 7.0)
      rspec-core (~> 3.13)
      rspec-expectations (~> 3.13)
      rspec-mocks (~> 3.13)
      rspec-support (~> 3.13)
    rspec-support (3.13.2)
    rubocop (1.75.1)
      json (~> 2.3)
      language_server-protocol (~> 3.17.0.2)
      lint_roller (~> 1.1.0)
      parallel (~> 1.10)
      parser (>= 3.3.0.2)
      rainbow (>= 2.2.2, < 4.0)
      regexp_parser (>= 2.9.3, < 3.0)
      rubocop-ast (>= 1.43.0, < 2.0)
      ruby-progressbar (~> 1.7)
      unicode-display_width (>= 2.4.0, < 4.0)
    rubocop-ast (1.43.0)
      parser (>= 3.3.7.2)
      prism (~> 1.4)
    rubocop-capybara (2.22.1)
      lint_roller (~> 1.1)
      rubocop (~> 1.72, >= 1.72.1)
    rubocop-govuk (5.1.2)
      rubocop (= 1.75.1)
      rubocop-ast (= 1.43.0)
      rubocop-capybara (= 2.22.1)
      rubocop-rails (= 2.31.0)
      rubocop-rake (= 0.7.1)
      rubocop-rspec (= 3.5.0)
    rubocop-rails (2.31.0)
      activesupport (>= 4.2.0)
      lint_roller (~> 1.1)
      rack (>= 1.1)
      rubocop (>= 1.75.0, < 2.0)
      rubocop-ast (>= 1.38.0, < 2.0)
    rubocop-rake (0.7.1)
      lint_roller (~> 1.1)
      rubocop (>= 1.72.1)
    rubocop-rspec (3.5.0)
      lint_roller (~> 1.1)
      rubocop (~> 1.72, >= 1.72.1)
    ruby-openai (8.1.0)
      event_stream_parser (>= 0.3.0, < 2.0.0)
      faraday (>= 1)
      faraday-multipart (>= 1)
    ruby-progressbar (1.13.0)
    rubyzip (2.4.1)
    sass-embedded (1.81.0-aarch64-linux-gnu)
      google-protobuf (~> 4.28)
    sass-embedded (1.81.0-arm-linux-gnueabihf)
      google-protobuf (~> 4.28)
    sass-embedded (1.81.0-arm64-darwin)
      google-protobuf (~> 4.28)
    sass-embedded (1.81.0-x86-linux-gnu)
      google-protobuf (~> 4.28)
    sass-embedded (1.81.0-x86_64-darwin)
      google-protobuf (~> 4.28)
    sass-embedded (1.81.0-x86_64-linux-gnu)
      google-protobuf (~> 4.28)
    securerandom (0.4.1)
    selenium-webdriver (4.29.1)
      base64 (~> 0.2)
      logger (~> 1.4)
      rexml (~> 3.2, >= 3.2.5)
      rubyzip (>= 1.2.2, < 3.0)
      websocket (~> 1.0)
    sentry-rails (5.23.0)
      railties (>= 5.0)
      sentry-ruby (~> 5.23.0)
    sentry-ruby (5.23.0)
      bigdecimal
      concurrent-ruby (~> 1.0, >= 1.0.2)
    sentry-sidekiq (5.23.0)
      sentry-ruby (~> 5.23.0)
      sidekiq (>= 3.0)
    set (1.1.1)
    sidekiq (7.3.9)
      base64
      connection_pool (>= 2.3.0)
      logger
      rack (>= 2.2.4)
      redis-client (>= 0.22.2)
    signet (0.19.0)
      addressable (~> 2.8)
      faraday (>= 0.17.5, < 3.a)
      jwt (>= 1.5, < 3.0)
      multi_json (~> 1.10)
    simplecov (0.22.0)
      docile (~> 1.1)
      simplecov-html (~> 0.11)
      simplecov_json_formatter (~> 0.1)
    simplecov-html (0.13.1)
    simplecov_json_formatter (0.1.4)
    slack-poster (2.2.2)
      faraday (>= 1.0.0)
    smart_properties (1.17.0)
    snaky_hash (2.0.1)
      hashie
      version_gem (~> 1.1, >= 1.1.1)
    sorted_set (1.0.3)
      rbtree
      set (~> 1.0)
    sprockets (4.2.1)
      concurrent-ruby (~> 1.0)
      rack (>= 2.2.4, < 4)
    sprockets-rails (3.5.2)
      actionpack (>= 6.1)
      activesupport (>= 6.1)
      sprockets (>= 3.0.0)
    statsd-ruby (1.5.0)
    stringio (3.1.6)
    terser (1.2.5)
      execjs (>= 0.3.0, < 3)
    thor (1.3.2)
    tiktoken_ruby (0.0.11.1)
      rb_sys (= 0.9.106)
    tiktoken_ruby (0.0.11.1-aarch64-linux)
    tiktoken_ruby (0.0.11.1-arm-linux)
    tiktoken_ruby (0.0.11.1-arm64-darwin)
    tiktoken_ruby (0.0.11.1-x86_64-darwin)
    tiktoken_ruby (0.0.11.1-x86_64-linux)
    timeout (0.4.3)
    trailblazer-option (0.1.2)
    typhoeus (1.4.1)
      ethon (>= 0.9.0)
    tzinfo (2.0.6)
      concurrent-ruby (~> 1.0)
    uber (0.1.0)
    unicode-display_width (3.1.4)
      unicode-emoji (~> 4.0, >= 4.0.4)
    unicode-emoji (4.0.4)
    uri (1.0.3)
    useragent (0.16.11)
    version_gem (1.1.6)
    warden (1.2.9)
      rack (>= 2.0.9)
    warden-oauth2 (0.0.1)
      warden
    webmock (3.25.1)
      addressable (>= 2.8.0)
      crack (>= 0.3.2)
      hashdiff (>= 0.4.0, < 2.0.0)
    webrick (1.9.1)
    websocket (1.2.11)
    websocket-driver (0.7.7)
      base64
      websocket-extensions (>= 0.1.0)
    websocket-extensions (0.1.5)
    xpath (3.2.0)
      nokogiri (~> 1.8)
    zeitwerk (2.7.2)

PLATFORMS
  aarch64-linux
  arm-linux
  arm64-darwin
  x86-linux
  x86_64-darwin
  x86_64-linux

DEPENDENCIES
  aws-sdk-bedrockruntime
  bootsnap
  brakeman
  chartkick
  climate_control
  csv
  dalli
  dartsass-rails
  dotenv
  erb_lint
  factory_bot_rails
  faraday
  faraday-typhoeus
  gds-api-adapters
  gds-sso
  google-cloud-bigquery
  govuk_app_config
  govuk_chat_private!
  govuk_message_queue_consumer
  govuk_publishing_components
  govuk_schemas
  govuk_sidekiq
  govuk_test
  groupdate
  hashie
  inline_svg
  kaminari
  kramdown
  mail-notify
  nokogiri
  opensearch-ruby
  passwordless
  pg
  prometheus_exporter
  pry-byebug
  pry-rails
  rack-attack
  rails (= 8.0.2)
  rspec-rails
  rubocop-govuk
  ruby-openai
  sentry-sidekiq
  simplecov
  slack-poster
  sprockets-rails
  terser
  tiktoken_ruby
  webmock

CHECKSUMS
  actioncable (8.0.2) sha256=7bcce2df62e91a80143592600e16583c273e98aab50ae40a9f6a2604bb3289a0
  actionmailbox (8.0.2) sha256=3d8fb3453913e6257da4d02004bbfa2b997dfd10672f8d990e95013983e2cedb
  actionmailer (8.0.2) sha256=b0c968b38576ec56a3dc2795931818e0aaae6a18cc9801f53f175c12d4b277d0
  actionpack (8.0.2) sha256=93e703064f3815295ccf820f57acbca719aec836749597da9262781c9b2f4b78
  actiontext (8.0.2) sha256=a40db32032ee2fbb479d5d69318c4284344c1cda73836fd73ffcdb917d203abf
  actionview (8.0.2) sha256=e038e1405cdfc18f04f17243da4fb8eeda3a4992f63a6d70a7281d255cf7cebb
  activejob (8.0.2) sha256=b0228b45e36b1ef3a081c684e81494147e094a6baf729018756ccf125b1853ca
  activemodel (8.0.2) sha256=0ae1fb7fa1fae0699ba041a9e97702df42ea3b13f2d39f2d0fde51fca5f0656c
  activerecord (8.0.2) sha256=793470b92c44e4198d0262ac60086b7822f0ea585079ad67e32a6e4c86f2d90a
  activestorage (8.0.2) sha256=f83d221e0f06ae38f2200e55490bd155c76d0add330f6e300e8646048d672977
  activesupport (8.0.2) sha256=8565cddba31b900cdc17682fd66ecd020441e3eef320a9930285394e8c07a45e
  addressable (2.8.7) sha256=462986537cf3735ab5f3c0f557f14155d778f4b43ea4f485a9deb9c8f7c58232
  amq-protocol (2.3.3) sha256=85b42738290913a35dcc487a2ca0dd260a4150b40ed1954c9c1932df466abc1f
  ast (2.4.3) sha256=954615157c1d6a382bc27d690d973195e79db7f55e9765ac7c481c60bdb4d383
  aws-eventstream (1.3.2) sha256=7e2c3a55ca70d7861d5d3c98e47daa463ed539c349caba22b48305b8919572d7
  aws-partitions (1.1082.0) sha256=b77347af71e71cd457e227997e53635078b4fc8b14961ab606685a385dd7fa8c
  aws-sdk-bedrockruntime (1.43.0) sha256=d211f7d0ae32ac29e9973806407ca4464a696f1ef71f0075354ef0c23c712505
  aws-sdk-core (3.222.1) sha256=349f39840fca4300384bd6dc85a546a0ad9def81d48d1f99607a6b3ec27bcbb2
  aws-sigv4 (1.11.0) sha256=50a8796991a862324442036ad7a395920572b84bb6cd29b945e5e1800e8da1db
  base64 (0.2.0) sha256=0f25e9b21a02a0cc0cea8ef92b2041035d39350946e8789c562b2d1a3da01507
  bcrypt (3.1.20) sha256=8410f8c7b3ed54a3c00cd2456bf13917d695117f033218e2483b2e40b0784099
  benchmark (0.4.0) sha256=0f12f8c495545e3710c3e4f0480f63f06b4c842cc94cec7f33a956f5180e874a
  better_html (2.1.1) sha256=046c3551d1488a3f2939a7cac6fabf2bde08c32e135c91fcd683380118e5af55
  bigdecimal (3.1.9) sha256=2ffc742031521ad69c2dfc815a98e426a230a3d22aeac1995826a75dabfad8cc
  bootsnap (1.18.4) sha256=ac4c42af397f7ee15521820198daeff545e4c360d2772c601fbdc2c07d92af55
  brakeman (7.0.2) sha256=b602d91bcec6c5ce4d4bc9e081e01f621c304b7a69f227d1e58784135f333786
  builder (3.3.0) sha256=497918d2f9dca528fdca4b88d84e4ef4387256d984b8154e9d5d3fe5a9c8835f
  bunny (2.24.0) sha256=072fe4ae98eaa9c95a17e4d166204f710bba8a9a7070b73a8c3b023f439d1682
  byebug (12.0.0) sha256=d4a150d291cca40b66ec9ca31f754e93fed8aa266a17335f71bb0afa7fca1a1e
  capybara (3.40.0) sha256=42dba720578ea1ca65fd7a41d163dd368502c191804558f6e0f71b391054aeef
  chartkick (5.1.4) sha256=893b2b5e6321a917f4ada2db082e0cb81a247cdad014e0b0a37aeb9287c10be5
  climate_control (1.2.0) sha256=36b21896193fa8c8536fa1cd843a07cf8ddbd03aaba43665e26c53ec1bd70aa5
  coderay (1.1.3) sha256=dc530018a4684512f8f38143cd2a096c9f02a1fc2459edcfe534787a7fc77d4b
  concurrent-ruby (1.3.5) sha256=813b3e37aca6df2a21a3b9f1d497f8cbab24a2b94cab325bffe65ee0f6cbebc6
  connection_pool (2.5.0) sha256=233b92f8d38e038c1349ccea65dd3772727d669d6d2e71f9897c8bf5cd53ebfc
  crack (1.0.0) sha256=c83aefdb428cdc7b66c7f287e488c796f055c0839e6e545fec2c7047743c4a49
  crass (1.0.6) sha256=dc516022a56e7b3b156099abc81b6d2b08ea1ed12676ac7a5657617f012bd45d
  csv (3.3.3) sha256=7e2966befb7bdaf7d5e9b36e1de73e6a5e7a72f584f180a1726aec88a1b0a900
  dalli (3.2.8) sha256=2e63595084d91fae2655514a02c5d4fc0f16c0799893794abe23bf628bebaaa5
  dartsass-rails (0.5.1) sha256=f19510fb1b29c76c1739a06954d615f1d20ad653b6fc668dd7c68542bb303a1a
  date (3.4.1) sha256=bf268e14ef7158009bfeaec40b5fa3c7271906e88b196d958a89d4b408abe64f
  declarative (0.0.20) sha256=8021dd6cb17ab2b61233c56903d3f5a259c5cf43c80ff332d447d395b17d9ff9
  diff-lcs (1.5.1) sha256=273223dfb40685548436d32b4733aa67351769c7dea621da7d9dd4813e63ddfe
  docile (1.4.1) sha256=96159be799bfa73cdb721b840e9802126e4e03dfc26863db73647204c727f21e
  domain_name (0.6.20240107) sha256=5f693b2215708476517479bf2b3802e49068ad82167bcd2286f899536a17d933
  dotenv (3.1.7) sha256=c670df478675d23889e657beaca6fb423228f75ce9f052a0690c0d0daa333cf3
  drb (2.2.1) sha256=e9d472bf785f558b96b25358bae115646da0dbfd45107ad858b0bc0d935cb340
  erb_lint (0.9.0) sha256=dfb5e40ad839e8d1f0d56ca85ec9a7ac4c9cd966ec281138282f35b323ca7c31
  erubi (1.13.1) sha256=a082103b0885dbc5ecf1172fede897f9ebdb745a4b97a5e8dc63953db1ee4ad9
  ethon (0.16.0) sha256=bba0da1cea8ac3e1f5cdd7cb1cb5fc78d7ac562c33736f18f0c3eb2b63053d9e
  event_stream_parser (1.0.0) sha256=a2683bab70126286f8184dc88f7968ffc4028f813161fb073ec90d171f7de3c8
  execjs (2.10.0) sha256=6bcb8be8f0052ff9d370b65d1c080f2406656e150452a0abdb185a133048450d
  factory_bot (6.5.0) sha256=6374b3a3593b8077ee9856d553d2e84d75b47b912cc24eafea4062f9363d2261
  factory_bot_rails (6.4.4) sha256=139e17caa2c50f098fddf5e5e1f29e8067352024e91ca1186d018b36589e5c88
  faker (3.5.1) sha256=1ad1fbea279d882f486059c23fe3ddb816ccd1d7052c05a45014b4450d859bfc
  faraday (2.12.2) sha256=157339c25c7b8bcb739f5cf1207cb0cefe8fa1c65027266bcbc34c90c84b9ad6
  faraday-multipart (1.1.0) sha256=856b0f1c7316a4d6c052dd2eef5c42f887d56d93a171fe8880da1af064ca0751
  faraday-net_http (3.4.0) sha256=a1f1e4cd6a2cf21599c8221595e27582d9936819977bbd4089a601f24c64e54a
  faraday-typhoeus (1.1.0) sha256=24c6147c213818dde3ebc50ae47ab92f9a7e554903aa362707126f749c6890e7
  ffi (1.17.0) sha256=51630e43425078311c056ca75f961bb3bda1641ab36e44ad4c455e0b0e4a231c
  gds-api-adapters (99.0.0) sha256=6f29f74a74dab9e0dada421b694bbc10c038ae389f0c433062e66c2247e45bcf
  gds-sso (20.0.0) sha256=dd4cacdabb3c675ede88e05f8efbea4f443a20748c1379ccffd53127d2bcb080
  globalid (1.2.1) sha256=70bf76711871f843dbba72beb8613229a49429d1866828476f9c9d6ccc327ce9
  google-apis-bigquery_v2 (0.84.0) sha256=d15575f11279a76d2e188624006a6ba009683a44ff9d7e743b9a9c6853a2044b
  google-apis-core (0.16.0) sha256=046a2c30a5ec123b2a6bc5e64348be781ce5fcd18dd4e85982e7a6a8da9d0dcc
  google-cloud-bigquery (1.52.0) sha256=8060dc88b947a8d2c73cdd10e8fb365220b3edf676eb2e8a436c73afdd6fd37c
  google-cloud-core (1.8.0) sha256=e572edcbf189cfcab16590628a516cec3f4f63454b730e59f0b36575120281cf
  google-cloud-env (2.2.1) sha256=3c6062aee0b5c863b83f3ce125ea7831507aadf1af7c0d384b74a116c4f649cf
  google-cloud-errors (1.5.0) sha256=b56be28b8c10628125214dde571b925cfcebdbc58619e598250c37a2114f7b4b
  google-logging-utils (0.1.0) sha256=70950b1e49314273cf2e167adb47b62af7917a4691b580da7e9be67b9205fcd5
  google-protobuf (4.30.2) sha256=0f35168dbeeccf13d928acf6c128cfec17b9a826ae4505246a02c115f4ae16ed
  google-protobuf (4.30.2-aarch64-linux) sha256=a99d2f31bc2bebf4994b7cd2dd4c1d3ef28a0acc8f1b37be236982f7dc21bd8d
  google-protobuf (4.30.2-arm64-darwin) sha256=c66a93ceef100fb2390615e76310491cc6e1944f7b9cda2cf1e3279887f817d1
  google-protobuf (4.30.2-x86-linux) sha256=8b56a7a1465ffdcfa86bd3067e6b4db7a96dc10f6697ccf3e09d2443398278e9
  google-protobuf (4.30.2-x86_64-darwin) sha256=17f4567dff431f8dd5be5ff6395824ec044413f67d2803a9941ebc8c70dec604
  google-protobuf (4.30.2-x86_64-linux) sha256=c96993d98732ea185d98279f6c76e130eb9595437dda39610b3398c9e348518e
  googleapis-common-protos-types (1.19.0) sha256=aecb76ca5326f8bcc47ab083259bbc4971d07e87f56808af7e210669d9765694
  googleauth (1.13.1) sha256=33448ce662e40afeb3e6db5eb9f4ee712467b1701f3857ef9c0aecac8447eca0
  govuk_app_config (9.16.9) sha256=b87596672d4c9ed8438a10e60ca6a16499c603198751bf304793bf1b8d86523d
  govuk_chat_private (0.0.1)
  govuk_message_queue_consumer (6.0.0) sha256=0fd749fa458910e4983fdc307f790311cffe91fa912aebb2e2f5094110864848
  govuk_personalisation (1.1.0) sha256=6e7a0dcfaec11570d95490160a95aff85150df5b667a586ecd7d5de04feac5dd
  govuk_publishing_components (56.2.0) sha256=a60780583a062695e8506c2ad2739bc1c36f798f4b45a7ebfad949b4501e1ecf
  govuk_schemas (6.0.0) sha256=e53d5bb946a0bac29aa75635146fe29b8b28dfc186035b39603583b0dbd14a8b
  govuk_sidekiq (10.0.0) sha256=0d0485f6946f5e212eb5d6f5105c406a25f3cd059592a5b490b78f1d71818de8
  govuk_test (4.1.1) sha256=c055990407fdc37ca2c1020da421dd5f7c521e7f09975cefb939898296e361cc
  groupdate (6.5.1) sha256=a0a78d051a510d61864fe987f00089d8f03739741eadc41e6ad4ea6f786da110
  hashdiff (1.1.2) sha256=2c30eeded6ed3dce8401d2b5b99e6963fe5f14ed85e60dd9e33c545a44b71a77
  hashie (5.0.0) sha256=9d6c4e51f2a36d4616cbc8a322d619a162d8f42815a792596039fc95595603da
  http-accept (1.7.0) sha256=c626860682bfbb3b46462f8c39cd470fd7b0584f61b3cc9df5b2e9eb9972a126
  http-cookie (1.0.8) sha256=b14fe0445cf24bf9ae098633e9b8d42e4c07c3c1f700672b09fbfe32ffd41aa6
  httpclient (2.9.0) sha256=4b645958e494b2f86c2f8a2f304c959baa273a310e77a2931ddb986d83e498c8
  i18n (1.14.7) sha256=ceba573f8138ff2c0915427f1fc5bdf4aa3ab8ae88c8ce255eb3ecf0a11a5d0f
  inline_svg (1.10.0) sha256=5b652934236fd9f8adc61f3fd6e208b7ca3282698b19f28659971da84bf9a10f
  io-console (0.8.0) sha256=cd6a9facbc69871d69b2cb8b926fc6ea7ef06f06e505e81a64f14a470fddefa2
  irb (1.15.2) sha256=222f32952e278da34b58ffe45e8634bf4afc2dc7aa9da23fed67e581aa50fdba
  jmespath (1.6.2) sha256=238d774a58723d6c090494c8879b5e9918c19485f7e840f2c1c7532cf84ebcb1
  json (2.10.2) sha256=34e0eada93022b2a0a3345bb0b5efddb6e9ff5be7c48e409cfb54ff8a36a8b06
  json-schema (5.1.1) sha256=b3829ad9bcdfc5010d8a160c4c2bebb8fed8d05d22de65648f6ba646b071f9bf
  jwt (2.10.1) sha256=e6424ae1d813f63e761a04d6284e10e7ec531d6f701917fadcd0d9b2deaf1cc5
  kaminari (1.2.2) sha256=c4076ff9adccc6109408333f87b5c4abbda5e39dc464bd4c66d06d9f73442a3e
  kaminari-actionview (1.2.2) sha256=1330f6fc8b59a4a4ef6a549ff8a224797289ebf7a3a503e8c1652535287cc909
  kaminari-activerecord (1.2.2) sha256=0dd3a67bab356a356f36b3b7236bcb81cef313095365befe8e98057dd2472430
  kaminari-core (1.2.2) sha256=3bd26fec7370645af40ca73b9426a448d09b8a8ba7afa9ba3c3e0d39cdbb83ff
  kramdown (2.5.1) sha256=87bbb6abd9d3cebe4fc1f33e367c392b4500e6f8fa19dd61c0972cf4afe7368c
  language_server-protocol (3.17.0.4) sha256=c484626478664fd13482d8180947c50a8590484b1258b99b7aedb3b69df89669
  link_header (0.0.8) sha256=15c65ce43b29f739b30d05e5f25c22c23797e89cf6f905dbb595fb4c70cb55f9
  lint_roller (1.1.0) sha256=2c0c845b632a7d172cb849cc90c1bce937a28c5c8ccccb50dfd46a485003cc87
  listen (3.9.0) sha256=db9e4424e0e5834480385197c139cb6b0ae0ef28cc13310cfd1ca78377d59c67
  logger (1.7.0) sha256=196edec7cc44b66cfb40f9755ce11b392f21f7967696af15d274dde7edff0203
  logstasher (2.1.5) sha256=095e9208d9a72b9da521909b3947cf3776c70517e933acbf071228617dcd0d02
  loofah (2.24.0) sha256=61e6a710883abb8210887f3dc868cf3ed66594c509d9ff6987621efa6651ee1e
  mail (2.8.1) sha256=ec3b9fadcf2b3755c78785cb17bc9a0ca9ee9857108a64b6f5cfc9c0b5bfc9ad
  mail-notify (2.1.0) sha256=a981d6dd9a2922ad8449a6625467519848856b7ded2049060665acc68d3e5a79
  marcel (1.0.4) sha256=0d5649feb64b8f19f3d3468b96c680bae9746335d02194270287868a661516a4
  matrix (0.4.2) sha256=71083ccbd67a14a43bfa78d3e4dc0f4b503b9cc18e5b4b1d686dc0f9ef7c4cc0
  method_source (1.1.0) sha256=181301c9c45b731b4769bc81e8860e72f9161ad7d66dd99103c9ab84f560f5c5
  mime-types (3.6.2) sha256=6109148e6a6e656607510b74571deff8ecd9a97ab0dcec9b7431bdd0b74460af
  mime-types-data (3.2025.0325) sha256=8557e0e43b0b3216c2a518290039c1b65ffdbd6639db241142f7459eeba3c668
  mini_mime (1.1.5) sha256=8681b7e2e4215f2a159f9400b5816d85e9d8c6c6b491e96a12797e798f8bccef
  mini_portile2 (2.8.8) sha256=8e47136cdac04ce81750bb6c09733b37895bf06962554e4b4056d78168d70a75
  minitest (5.25.5) sha256=391b6c6cb43a4802bfb7c93af1ebe2ac66a210293f4a3fb7db36f2fc7dc2c756
  msgpack (1.7.5) sha256=ffb04979f51e6406823c03abe50e1da2c825c55a37dee138518cdd09d9d3aea8
  multi_json (1.15.0) sha256=1fd04138b6e4a90017e8d1b804c039031399866ff3fbabb7822aea367c78615d
  multi_xml (0.7.1) sha256=4fce100c68af588ff91b8ba90a0bb3f0466f06c909f21a32f4962059140ba61b
  multipart-post (2.4.1) sha256=9872d03a8e552020ca096adadbf5e3cb1cd1cdd6acd3c161136b8a5737cdb4a8
  mutex_m (0.3.0) sha256=cfcb04ac16b69c4813777022fdceda24e9f798e48092a2b817eb4c0a782b0751
  net-http (0.6.0) sha256=9621b20c137898af9d890556848c93603716cab516dc2c89b01a38b894e259fb
  net-imap (0.5.6) sha256=1ede8048ee688a14206060bf37a716d18cb6ea00855f6c9b15daee97ee51fbe5
  net-pop (0.1.2) sha256=848b4e982013c15b2f0382792268763b748cce91c9e91e36b0f27ed26420dff3
  net-protocol (0.2.2) sha256=aa73e0cba6a125369de9837b8d8ef82a61849360eba0521900e2c3713aa162a8
  net-smtp (0.5.1) sha256=ed96a0af63c524fceb4b29b0d352195c30d82dd916a42f03c62a3a70e5b70736
  netrc (0.11.0) sha256=de1ce33da8c99ab1d97871726cba75151113f117146becbe45aa85cb3dabee3f
  nio4r (2.7.4) sha256=d95dee68e0bb251b8ff90ac3423a511e3b784124e5db7ff5f4813a220ae73ca9
  nokogiri (1.18.7) sha256=6b63ff5defe48f30d1d3b3122f65255ca91df2caf5378c6e0482ce73ff46fb31
  nokogiri (1.18.7-aarch64-linux-gnu) sha256=57a064ab5440814a69a0e040817bd8154adea68a30d2ff2b3aa515a6a06dbb5f
  nokogiri (1.18.7-arm-linux-gnu) sha256=337d9149deb5ae01022dff7c90f97bed81715fd586aacab0c5809ef933994c5e
  nokogiri (1.18.7-arm64-darwin) sha256=083abb2e9ed2646860f6b481a981485a658c6064caafaa81bf1cda1bada2e9d5
  nokogiri (1.18.7-x86_64-darwin) sha256=081d1aa517454ba3415304e2ea51fe411d6a3a809490d0c4aa42799cada417b7
  nokogiri (1.18.7-x86_64-linux-gnu) sha256=3a0bf946eb2defde13d760f869b61bc8b0c18875afdd3cffa96543cfa3a18005
  notifications-ruby-client (6.2.0) sha256=da4ba515cef3105d7ed46d17c644a3ea437f07cbc02c6cf095cf1984a656cf72
  null_logger (0.0.1) sha256=5039c505a2e00f50111f266db62b8c9c5b57e9c8f28380944d79a55ec8a9f5a1
  oauth2 (2.0.9) sha256=b21f9defcf52dc1610e0dfab4c868342173dcd707fd15c777d9f4f04e153f7fb
  omniauth (2.1.3) sha256=8d24e2e55c41926c96e4a93fd566bc026dfd6f2c850408748e89945a565956c2
  omniauth-oauth2 (1.8.0) sha256=b2f8e9559cc7e2d4efba57607691d6d2b634b879fc5b5b6ccfefa3da85089e78
  opensearch-ruby (3.4.0) sha256=0a8621686bed3c59b4c23e08cbaef873685a3fe4568e9d2703155ca92b8ca05d
  opentelemetry-api (1.5.0) sha256=8dcc33e7aba70b1da630065ce0db3d6f50cb8ebd2017383209739439025ea997
  opentelemetry-common (0.22.0) sha256=ce5e96a0f838d67eb70a1d32e02bdbe7b8f41767bc71994d73b299a8b0c5878d
  opentelemetry-exporter-otlp (0.30.0) sha256=07cb0446bb782dfcf7cc27d2d6ebcf9aef1a4585b3f4952be6276a1e77d5ba97
  opentelemetry-helpers-mysql (0.2.0) sha256=dd05f5f40bf5169cd3b8fef355fb050506542fa6b32ace19e8124f6dec5b261f
  opentelemetry-helpers-sql-obfuscation (0.3.0) sha256=f5d866d58f98267b5302be479c9dddad25ddf7db19030d44fb5ab93025ea9e4b
  opentelemetry-instrumentation-action_mailer (0.4.0) sha256=e8b5959572038dc0367300b5425f2f7b297fc0b372a966832b1aad4af06ee9a2
  opentelemetry-instrumentation-action_pack (0.12.0) sha256=c7940b1771cff440f7828841ed3b0f4546ae71d89f8433b1afcde9dbc7e8ee35
  opentelemetry-instrumentation-action_view (0.9.0) sha256=4b434644650bf66c0bab9984c0b1f2e2c474ed0b0d5638f5153677efe8bcc561
  opentelemetry-instrumentation-active_job (0.8.0) sha256=9d5d884e05421ca9444635ac9c96886bccf1a042d4ee5d3282f620d0acd5613d
  opentelemetry-instrumentation-active_model_serializers (0.22.0) sha256=fdfd0fafb1c90e4f121c4c215540abdc928f72c4de4b0643db870459d56c4bbe
  opentelemetry-instrumentation-active_record (0.9.0) sha256=9cbcb92dbfd48fa7bbf7524e3567e334f1773055467e9c6fbeaa49d911a60140
  opentelemetry-instrumentation-active_storage (0.1.1) sha256=a654926abbeca00ec1fe942f9e4ded610530e23630d2cfb88fb876eabef4a703
  opentelemetry-instrumentation-active_support (0.8.0) sha256=9be102354e420ed08a6841d113e39d9c5480ed35940fe7268c7297656167d999
  opentelemetry-instrumentation-all (0.74.0) sha256=1d382a2189a5fe3ed478295bd02787f23f249f739ffee50e60d1ee3ffc025c14
  opentelemetry-instrumentation-aws_lambda (0.3.0) sha256=00e4ccec484f598a65ce4aa7ea9caccaeab3b8c6219690d93072c814299706b4
  opentelemetry-instrumentation-aws_sdk (0.8.0) sha256=d8ab721b8f0d0c77c77b9c50f59f23b2462592f21286ac7ccd11aafbbeb0036f
  opentelemetry-instrumentation-base (0.23.0) sha256=b3e103ceea2ccf3e6269a394938a5bc239c80d113869fe2b2ac49ba27c3c1c50
  opentelemetry-instrumentation-bunny (0.22.0) sha256=8cb0c40937a30e53fd0df3af400fc49a829d2ec0eb14f3a2a28d052d8207eaf5
  opentelemetry-instrumentation-concurrent_ruby (0.22.0) sha256=fba61e55b4f66331a53ad82cb0a0c225a1ddea9a4f693fcf2e9fa7e7199c6897
  opentelemetry-instrumentation-dalli (0.26.0) sha256=2bbbbf1d2a827b82f01895530cc98cc4f40b15066ad046ee1ebe3f33ec7e74c4
  opentelemetry-instrumentation-delayed_job (0.23.0) sha256=11aa70f920c5872b687f33d966898416f14d7c0c244ff7d6f3be1566d8a133fc
  opentelemetry-instrumentation-ethon (0.22.0) sha256=98746b7c2d46063b9811a79117684315531b23b298007d29d8cbed4a9f23d384
  opentelemetry-instrumentation-excon (0.23.0) sha256=3ae5c57a05457f3bfea796ef815d261df94ffc4a83e4b691128044185a8a3f07
  opentelemetry-instrumentation-faraday (0.26.0) sha256=8d17c3c14d5efc7e802c112b2c65326ba1dfe73336461f5c14c9c34e5d0d9281
  opentelemetry-instrumentation-grape (0.3.0) sha256=80c375301c85e9a94fb12836252792d199a30831502ffd607239b824f7f5490c
  opentelemetry-instrumentation-graphql (0.29.0) sha256=b4f8e9f3f1a06268fb53f0077a67e1437f07d1946fb1d9e1d5ce8861228089e2
  opentelemetry-instrumentation-gruf (0.3.0) sha256=9c45dd36ccee3bbc0f43ab1bf6c3ddee4eaa4b16ab4033658dbc7ec10f9cdee7
  opentelemetry-instrumentation-http (0.24.0) sha256=94419a35e3ae4be4ba9a6b3a1992872def476b8fb764062feeeefff7fafca0ba
  opentelemetry-instrumentation-http_client (0.23.0) sha256=90cf55b55d95c207e6bc9c5d78662aed4f727d0fd722e638ffcd8225da2f9cdc
  opentelemetry-instrumentation-koala (0.21.0) sha256=3c43dc8de4c111463c897602696c548c2d70cc51ccf30b19ec9452184b4ac8ba
  opentelemetry-instrumentation-lmdb (0.23.0) sha256=617ecfffc389dca3af5afbce58d0e8380b95e158896d00d22cec39b5b75544d7
  opentelemetry-instrumentation-mongo (0.23.0) sha256=1d500469c107fb68047802ba3d52d8ab023ee0b79ded6236135bbd2833a2ee4b
  opentelemetry-instrumentation-mysql2 (0.29.0) sha256=f3b129c6c33bb8433f9c6ea795046988053adc274c954840a47f0aab78cfe216
  opentelemetry-instrumentation-net_http (0.23.0) sha256=91123b721848f807e72157725771f680f70ecdbbdd58c05577713234ff1c0a80
  opentelemetry-instrumentation-pg (0.30.0) sha256=c17dd639cf1a4b2fb1ed41208b751f1b6716d0c8fe28dc02f362f3abaa839529
  opentelemetry-instrumentation-que (0.9.0) sha256=bc8038459d44de7d2320a4d290ad86725ffdc1c1d28cc508928ad7fa44c8a704
  opentelemetry-instrumentation-racecar (0.4.0) sha256=283e00fa350eb8677fd1e6e6768bbce060e48fb89a635782c12691d889f42dc2
  opentelemetry-instrumentation-rack (0.26.0) sha256=8a55910b358e08acab0899fc99227058b72fca76a27e382e6b34b365abb87bad
  opentelemetry-instrumentation-rails (0.36.0) sha256=f21e26fad6660d64a9711b9317f059c21376cc9a1facdeb3956c9f20098eb717
  opentelemetry-instrumentation-rake (0.3.0) sha256=1b8c2db79b1c896ed0755144146c10ae75b8d49b5484772aa079bd15321d421e
  opentelemetry-instrumentation-rdkafka (0.6.0) sha256=63637067b4312a43c5c5fefe41be5c738f785b84b6c3510a34fecf94ac5618db
  opentelemetry-instrumentation-redis (0.26.1) sha256=315efba5560c943dfe8ea41b16ab162418fc7423c45bb36c4bcc91a310467ba0
  opentelemetry-instrumentation-resque (0.6.0) sha256=b61d5c3fb3d3e96a1dc34cb242addfdd8cf8f6471a9518d3ffa57d26b99e917f
  opentelemetry-instrumentation-restclient (0.23.0) sha256=a8cedef3979f14e5c9b97e24150d6e5cd8d2646452d8816360875cf4d4d9a7b9
  opentelemetry-instrumentation-ruby_kafka (0.22.0) sha256=a79f2138ab0daf251ab9b7721b9d91938a8b63b8ee5375173b95ce5a6cc65ada
  opentelemetry-instrumentation-sidekiq (0.26.1) sha256=853aea9d88642643b29a8ed818e290e374586f72f304c785b672b9086360f3d2
  opentelemetry-instrumentation-sinatra (0.25.0) sha256=6aa6f76eecfb0d8a216f9f3d92d7ad0ca59791a53dfa06a8b721664153927498
  opentelemetry-instrumentation-trilogy (0.61.0) sha256=d7ee7ebc727ee07ab00284c2d131dc04bd66e95502ef91f33548899f5cc38a03
  opentelemetry-registry (0.4.0) sha256=903fa6bfaa29eac1c1d73a4fdd29b850977b5353b84b8cdff11222c00ad2968f
  opentelemetry-sdk (1.8.0) sha256=fad979b4a6c7ad5b2f9f2bfde77ab5c0c6a9b81d5a6458becf5957e3fa371df7
  opentelemetry-semantic_conventions (1.11.0) sha256=89f209f588d48a8e38ca2205c24c6b4a35f3d2622c2f1854bd476c56290afdcb
  os (1.1.4) sha256=57816d6a334e7bd6aed048f4b0308226c5fb027433b67d90a9ab435f35108d3f
  ostruct (0.6.1) sha256=09a3fb7ecc1fa4039f25418cc05ae9c82bd520472c5c6a6f515f03e4988cb817
  parallel (1.26.3) sha256=d86babb7a2b814be9f4b81587bf0b6ce2da7d45969fab24d8ae4bf2bb4d4c7ef
  parser (3.3.7.4) sha256=2b26282274280e13f891080dc4ef3f65ce658d62e13255b246b28ec6754e98ab
  passwordless (1.8.1) sha256=9508004b820361ee1d57c7a137b866acf082e691e8bcb9c805f481d7a79c59f0
  pg (1.5.9) sha256=761efbdf73b66516f0c26fcbe6515dc7500c3f0aa1a1b853feae245433c64fdc
  plek (5.2.1) sha256=7d517824da095ab3e8070023cf57cc8504554ea8f897ee1d7e71a67df6295521
  pp (0.6.2) sha256=947ec3120c6f92195f8ee8aa25a7b2c5297bb106d83b41baa02983686577b6ff
  prettyprint (0.2.0) sha256=2bc9e15581a94742064a3cc8b0fb9d45aae3d03a1baa6ef80922627a0766f193
  prism (1.4.0) sha256=dc0e3e00e93160213dc2a65519d9002a4a1e7b962db57d444cf1a71565bb703e
  prometheus_exporter (2.2.0) sha256=38a71af112da26b588f67948e5dcc32d539b26cfbf25115e92caca8db8437497
  pry (0.15.2) sha256=12d54b8640d3fa29c9211dd4ffb08f3fd8bf7a4fd9b5a73ce5b59c8709385b6b
  pry-byebug (3.11.0) sha256=0b0abb7d309bc7f00044d512a3c8567274f7012b944b38becc8440439a1cea72
  pry-rails (0.3.11) sha256=a69e28e24a34d75d1f60bcf241192a54253f8f7ef8a62cba1e75750a9653593d
  psych (5.2.3) sha256=84a54bb952d14604fea22d99938348814678782f58b12648fcdfa4d2fce859ee
  public_suffix (6.0.1) sha256=61d44e1cab5cbbbe5b31068481cf16976dd0dc1b6b07bd95617ef8c5e3e00c6f
  puma (6.6.0) sha256=f25c06873eb3d5de5f0a4ebc783acc81a4ccfe580c760cfe323497798018ad87
  racc (1.8.1) sha256=4a7f6929691dbec8b5209a0b373bc2614882b55fc5d2e447a21aaa691303d62f
  rack (3.1.12) sha256=00d83055c89273eb13679ab562767b8826955aa6c4371d7d161deb975c50c540
  rack-attack (6.7.0) sha256=3ca47e8f66cd33b2c96af53ea4754525cd928ed3fa8da10ee6dad0277791d77c
  rack-protection (4.1.1) sha256=51a254a5d574a7f0ca4f0672025ce2a5ef7c8c3bd09c431349d683e825d7d16a
  rack-proxy (0.7.7) sha256=446a4b57001022145d5c3ba73b775f66a2260eaf7420c6907483141900395c8a
  rack-session (2.1.0) sha256=437c3916535b58ef71c816ce4a2dee0a01c8a52ae6077dc2b6cd19085760a290
  rack-test (2.2.0) sha256=005a36692c306ac0b4a9350355ee080fd09ddef1148a5f8b2ac636c720f5c463
  rackup (2.2.1) sha256=f737191fd5c5b348b7f0a4412a3b86383f88c43e13b8217b63d4c8d90b9e798d
  rails (8.0.2) sha256=fdfaa5a83ec0388e02864e88d515959caedc88053b5f701c4deb1652d8f164c6
  rails-dom-testing (2.2.0) sha256=e515712e48df1f687a1d7c380fd7b07b8558faa26464474da64183a7426fa93b
  rails-html-sanitizer (1.6.2) sha256=35fce2ca8242da8775c83b6ba9c1bcaad6751d9eb73c1abaa8403475ab89a560
  railties (8.0.2) sha256=0d7c3f40c49ba74980f1bac1d4bb153a9331c5ee8a9631d89c7bf79db82e5cf9
  rainbow (3.1.1) sha256=039491aa3a89f42efa1d6dec2fc4e62ede96eb6acd95e52f1ad581182b79bc6a
  rake (13.2.1) sha256=46cb38dae65d7d74b6020a4ac9d48afed8eb8149c040eccf0523bec91907059d
  rb-fsevent (0.11.2) sha256=43900b972e7301d6570f64b850a5aa67833ee7d87b458ee92805d56b7318aefe
  rb-inotify (0.11.1) sha256=a0a700441239b0ff18eb65e3866236cd78613d6b9f78fea1f9ac47a85e47be6e
  rb_sys (0.9.106) sha256=b64d5e4bb33aefa0acec5d829162f211a8f9e5bfe08780ed298c637c7229527c
  rbtree (0.4.6) sha256=14eea4469b24fd2472542e5f3eb105d6344c8ccf36f0b56d55fdcfeb4e0f10fc
  rdoc (6.13.1) sha256=62a0dac99493c94e8eb7a3fb44e55aefcb4cecb119f7991f25bddc5ed8d472f7
  redis-client (0.24.0) sha256=ee65ee39cb2c38608b734566167fd912384f3c1241f59075e22858f23a085dbb
  regexp_parser (2.10.0) sha256=cb6f0ddde88772cd64bff1dbbf68df66d376043fe2e66a9ef77fcb1b0c548c61
  reline (0.6.1) sha256=1afcc9d7cb1029cdbe780d72f2f09251ce46d3780050f3ec39c3ccc6b60675fb
  representable (3.2.0) sha256=cc29bf7eebc31653586849371a43ffe36c60b54b0a6365b5f7d95ec34d1ebace
  request_store (1.7.0) sha256=e1b75d5346a315f452242a68c937ef8e48b215b9453a77a6c0acdca2934c88cb
  rest-client (2.1.0) sha256=35a6400bdb14fae28596618e312776c158f7ebbb0ccad752ff4fa142bf2747e3
  retriable (3.1.2) sha256=0a5a5d0ca4ba61a76fb31a17ab8f7f80281beb040c329d34dfc137a1398688e0
  rexml (3.4.1) sha256=c74527a9a0a04b4ec31dbe0dc4ed6004b960af943d8db42e539edde3a871abca
  rouge (4.5.1) sha256=2ac81c6dee7019bbc6600d4c2d641d730d65c165941400ebd924259067e690dd
  rspec-core (3.13.3) sha256=25136507f4f9cf2e8977a2851e64e438b4331646054e345998714108745cdfe4
  rspec-expectations (3.13.3) sha256=0e6b5af59b900147698ea0ff80456c4f2e69cac4394fbd392fbd1ca561f66c58
  rspec-mocks (3.13.2) sha256=2327335def0e1665325a9b617e3af9ae20272741d80ac550336309a7c59abdef
  rspec-rails (7.1.1) sha256=e15dccabed211e2fd92f21330c819adcbeb1591c1d66c580d8f2d8288557e331
  rspec-support (3.13.2) sha256=cea3a2463fd9b84b9dcc9685efd80ea701aa8f7b3decb3b3ce795ed67737dbec
  rubocop (1.75.1) sha256=c12900c55b0b52e6ed1384f7f7575beb92047019ce37ca14b9572d80239adc29
  rubocop-ast (1.43.0) sha256=92cd649e336ce10212cb2f2b29028f487777ecc477f108f437a1dce1ee3db79a
  rubocop-capybara (2.22.1) sha256=ced88caef23efea53f46e098ff352f8fc1068c649606ca75cb74650970f51c0c
  rubocop-govuk (5.1.2) sha256=8b34efdc68071875fb895b0e140504711a686077be093137a73b4432f1b72520
  rubocop-rails (2.31.0) sha256=79476e1075299c3e60fc50549c7c32614f9ebaae719b899ed75785c6786c52bd
  rubocop-rake (0.7.1) sha256=3797f2b6810c3e9df7376c26d5f44f3475eda59eb1adc38e6f62ecf027cbae4d
  rubocop-rspec (3.5.0) sha256=710c942fe1af884ba8eea75cbb8bdbb051929a2208880a6fc2e2dce1eed5304c
  ruby-openai (8.1.0) sha256=6f69e7f501b3b039fe21807286230dfd51a91143e160ffb45464af30a20a5e14
  ruby-progressbar (1.13.0) sha256=80fc9c47a9b640d6834e0dc7b3c94c9df37f08cb072b7761e4a71e22cff29b33
  rubyzip (2.4.1) sha256=8577c88edc1fde8935eb91064c5cb1aef9ad5494b940cf19c775ee833e075615
  sass-embedded (1.81.0-aarch64-linux-gnu) sha256=9087759cf2f16d0a9263eb97a812dce9882ce79353cfb416f5721835ba2d8706
  sass-embedded (1.81.0-arm-linux-gnueabihf) sha256=f5537ac4549a046d5c3387d8d216ab7bccf2c4c7e635299afb2d2100bdba973f
  sass-embedded (1.81.0-arm64-darwin) sha256=85a852fb2fc1cc644ff193b25b96e2fec1196b9c9a687344d1927e3f39135ec7
  sass-embedded (1.81.0-x86-linux-gnu) sha256=ad1a9f173da47218402391a9d7110927dd5eb2ea9cd63d2cf170deb6b726cab6
  sass-embedded (1.81.0-x86_64-darwin) sha256=fb5f26a6a9a43cfddda74510ce5dbc75c4e8e5b77e51346540d6750792bfa05c
  sass-embedded (1.81.0-x86_64-linux-gnu) sha256=5e2c5ed82496eb4e217bf171300e8b66cb5a06394eeb1009bfa99ec271099ecf
  securerandom (0.4.1) sha256=cc5193d414a4341b6e225f0cb4446aceca8e50d5e1888743fac16987638ea0b1
  selenium-webdriver (4.29.1) sha256=0a7fe53cc4d2c515adbb89e115c6e786c64e9b98f85939d21071c6e32883a146
  sentry-rails (5.23.0) sha256=8d2cbc3c85e343c1e882d7c8595d410e0c3afa3b005f51430225b938e128dec4
  sentry-ruby (5.23.0) sha256=8e8bb2f9a56a267a50fcba947f2ae131b6542f45fc3bb5764c2c25ba68f385cc
  sentry-sidekiq (5.23.0) sha256=34dc6413a25773e185acba605b0ed4dcec5edf3e8e562447b7b44ed6435d1c18
  set (1.1.1) sha256=6c7ac6c06d5907216395a4d5dae3ffe52ca5ee8a372befe6d4dea794383f98f0
  sidekiq (7.3.9) sha256=1108712e1def89002b28e3545d5ae15d4a57ffd4d2c25d97bb1360988826b5a7
  signet (0.19.0) sha256=537f3939f57f141f691e6069a97ec40f34fadafc4c7e5ba94edb06cf4350dd31
  simplecov (0.22.0) sha256=fe2622c7834ff23b98066bb0a854284b2729a569ac659f82621fc22ef36213a5
  simplecov-html (0.13.1) sha256=5dab0b7ee612e60e9887ad57693832fdf4695b4c0c859eaea5f95c18791ef10b
  simplecov_json_formatter (0.1.4) sha256=529418fbe8de1713ac2b2d612aa3daa56d316975d307244399fa4838c601b428
  slack-poster (2.2.2) sha256=37c4c0d65259599813ef75d4da0ed7512d2e8e93ca942c53ebf898ff1c81214e
  smart_properties (1.17.0) sha256=f9323f8122e932341756ddec8e0ac9ec6e238408a7661508be99439ca6d6384b
  snaky_hash (2.0.1) sha256=1ac87ec157fcfe7a460e821e0cd48ae1e6f5e3e082ab520f03f31a9259dbdc31
  sorted_set (1.0.3) sha256=4f2b8bee6e8c59cbd296228c0f1f81679357177a8b6859dcc2a99e86cce6372f
  sprockets (4.2.1) sha256=951b13dd2f2fcae840a7184722689a803e0ff9d2702d902bd844b196da773f97
  sprockets-rails (3.5.2) sha256=a9e88e6ce9f8c912d349aa5401509165ec42326baf9e942a85de4b76dbc4119e
  statsd-ruby (1.5.0) sha256=369ddf09537408e273849e09b84d4edbdac24ac461f5c9b6cacb0e4398190109
  stringio (3.1.6) sha256=292c495d1657adfcdf0a32eecf12a60e6691317a500c3112ad3b2e31068274f5
  terser (1.2.5) sha256=f1e49770b61af6897770217f87c6574d5e6f81881712fb0fc6a609bab0ccbfa7
  thor (1.3.2) sha256=eef0293b9e24158ccad7ab383ae83534b7ad4ed99c09f96f1a6b036550abbeda
  tiktoken_ruby (0.0.11.1) sha256=adffa735711bf1b19554423c82ba2e2be4a77d7776186cbaf19f837680f8cb8b
  tiktoken_ruby (0.0.11.1-aarch64-linux) sha256=1ffcfcf1a7ac561e2e08996a60b3ee4213923b02184d29da2eb76c3be0c54001
  tiktoken_ruby (0.0.11.1-arm-linux) sha256=2f1b79eadf62c2ea2691821f1d1c008b402e0e48d9baef2fc52d648b0744b7a5
  tiktoken_ruby (0.0.11.1-arm64-darwin) sha256=9b0f2a863bf6dbad2c78f95d8566e39fbb2293be552a7cc16a93e638a0b823e1
  tiktoken_ruby (0.0.11.1-x86_64-darwin) sha256=554c84d14e66a7cef277b00ec26ce6c201d6b94d223f8d71397b1287cda11d78
  tiktoken_ruby (0.0.11.1-x86_64-linux) sha256=ab56c936876c2ccba41fd8dc6588097e6555345ad0bdf5f4204be771a3637618
  timeout (0.4.3) sha256=9509f079b2b55fe4236d79633bd75e34c1c1e7e3fb4b56cb5fda61f80a0fe30e
  trailblazer-option (0.1.2) sha256=20e4f12ea4e1f718c8007e7944ca21a329eee4eed9e0fa5dde6e8ad8ac4344a3
  typhoeus (1.4.1) sha256=1c17db8364bd45ab302dc61e460173c3e69835896be88a3df07c206d5c55ef7c
  tzinfo (2.0.6) sha256=8daf828cc77bcf7d63b0e3bdb6caa47e2272dcfaf4fbfe46f8c3a9df087a829b
  uber (0.1.0) sha256=5beeb407ff807b5db994f82fa9ee07cfceaa561dad8af20be880bc67eba935dc
  unicode-display_width (3.1.4) sha256=8caf2af1c0f2f07ec89ef9e18c7d88c2790e217c482bfc78aaa65eadd5415ac1
  unicode-emoji (4.0.4) sha256=2c2c4ef7f353e5809497126285a50b23056cc6e61b64433764a35eff6c36532a
  uri (1.0.3) sha256=e9f2244608eea2f7bc357d954c65c910ce0399ca5e18a7a29207ac22d8767011
  useragent (0.16.11) sha256=700e6413ad4bb954bb63547fa098dddf7b0ebe75b40cc6f93b8d54255b173844
  version_gem (1.1.6) sha256=b989cf19880ee18907083ba9bb6fdbe40826bd698fbd7cdfab7345a2550bf203
  warden (1.2.9) sha256=46684f885d35a69dbb883deabf85a222c8e427a957804719e143005df7a1efd0
  warden-oauth2 (0.0.1) sha256=9f8dfd89d23ef8936734ca897acd7dde86802c8139d6299774d6e6bf292921fd
  webmock (3.25.1) sha256=ab9d5d9353bcbe6322c83e1c60a7103988efc7b67cd72ffb9012629c3d396323
  webrick (1.9.1) sha256=b42d3c94f166f3fb73d87e9b359def9b5836c426fc8beacf38f2184a21b2a989
  websocket (1.2.11) sha256=b7e7a74e2410b5e85c25858b26b3322f29161e300935f70a0e0d3c35e0462737
  websocket-driver (0.7.7) sha256=056d99f2cd545712cfb1291650fde7478e4f2661dc1db6a0fa3b966231a146b4
  websocket-extensions (0.1.5) sha256=1c6ba63092cda343eb53fc657110c71c754c56484aad42578495227d717a8241
  xpath (3.2.0) sha256=6dfda79d91bb3b949b947ecc5919f042ef2f399b904013eb3ef6d20dd3a4082e
  zeitwerk (2.7.2) sha256=842e067cb11eb923d747249badfb5fcdc9652d6f20a1f06453317920fdcd4673

RUBY VERSION
   ruby 3.4.1p0

BUNDLED WITH
   2.6.2
